STORAGE: NONE
NUGET
  remote: https://api.nuget.org/v3/index.json
    Azure.Core (1.31) - restriction: >= netstandard2.0
      Microsoft.Bcl.AsyncInterfaces (>= 1.1.1) - restriction: || (>= net461) (>= netstandard2.0)
      System.Diagnostics.DiagnosticSource (>= 4.6) - restriction: || (>= net461) (>= netstandard2.0)
      System.Memory.Data (>= 1.0.2) - restriction: || (>= net461) (>= netstandard2.0)
      System.Net.Http (>= 4.3.4) - restriction: >= net461
      System.Numerics.Vectors (>= 4.5) - restriction: || (>= net461) (>= netstandard2.0)
      System.Runtime.InteropServices.RuntimeInformation (>= 4.3) - restriction: >= net461
      System.Text.Encodings.Web (>= 4.7.2) - restriction: || (>= net461) (>= netstandard2.0)
      System.Text.Json (>= 4.7.2) - restriction: || (>= net461) (>= netstandard2.0)
      System.Threading.Tasks.Extensions (>= 4.5.4) - restriction: || (>= net461) (>= netstandard2.0)
    Azure.Identity (1.8.2) - restriction: || (>= net462) (>= netstandard2.0)
      Azure.Core (>= 1.25) - restriction: >= netstandard2.0
      Microsoft.Identity.Client (>= 4.49.1) - restriction: >= netstandard2.0
      Microsoft.Identity.Client.Extensions.Msal (>= 2.25.3) - restriction: >= netstandard2.0
      System.Memory (>= 4.5.4) - restriction: >= netstandard2.0
      System.Security.Cryptography.ProtectedData (>= 4.7) - restriction: >= netstandard2.0
      System.Text.Json (>= 4.7.2) - restriction: >= netstandard2.0
      System.Threading.Tasks.Extensions (>= 4.5.4) - restriction: >= netstandard2.0
    Azure.Security.KeyVault.Certificates (4.5.1) - restriction: || (>= net462) (>= netstandard2.0)
      Azure.Core (>= 1.30) - restriction: >= netstandard2.0
      System.Memory (>= 4.5.4) - restriction: >= netstandard2.0
      System.Text.Json (>= 4.7.2) - restriction: >= netstandard2.0
      System.Threading.Tasks.Extensions (>= 4.5.4) - restriction: >= netstandard2.0
    Azure.Security.KeyVault.Secrets (4.5) - restriction: || (>= net462) (>= netstandard2.0)
      Azure.Core (>= 1.30) - restriction: >= netstandard2.0
      System.Memory (>= 4.5.4) - restriction: >= netstandard2.0
      System.Text.Json (>= 4.7.2) - restriction: >= netstandard2.0
      System.Threading.Tasks.Extensions (>= 4.5.4) - restriction: >= netstandard2.0
    Expecto (9.0.4)
      FSharp.Core (>= 4.6) - restriction: || (>= net461) (>= netstandard2.0)
      Mono.Cecil (>= 0.11.3) - restriction: || (>= net461) (>= netstandard2.0)
    Fable.AST (4.2.1) - restriction: >= netstandard2.0
    Fable.Browser.Blob (1.3) - restriction: >= netstandard2.0
      Fable.Core (>= 3.0) - restriction: >= netstandard2.0
      FSharp.Core (>= 4.7.2) - restriction: >= netstandard2.0
    Fable.Browser.Dom (2.14) - restriction: >= netstandard2.0
      Fable.Browser.Blob (>= 1.3) - restriction: >= netstandard2.0
      Fable.Browser.Event (>= 1.5) - restriction: >= netstandard2.0
      Fable.Browser.WebStorage (>= 1.2) - restriction: >= netstandard2.0
      Fable.Core (>= 3.2.8) - restriction: >= netstandard2.0
      FSharp.Core (>= 4.7.2) - restriction: >= netstandard2.0
    Fable.Browser.Event (1.5) - restriction: >= netstandard2.0
      Fable.Browser.Gamepad (>= 1.1) - restriction: >= netstandard2.0
      Fable.Core (>= 3.0) - restriction: >= netstandard2.0
      FSharp.Core (>= 4.7.2) - restriction: >= netstandard2.0
    Fable.Browser.Gamepad (1.2) - restriction: >= netstandard2.0
      Fable.Core (>= 3.0) - restriction: >= netstandard2.0
      FSharp.Core (>= 4.7.2) - restriction: >= netstandard2.0
    Fable.Browser.WebStorage (1.2) - restriction: >= netstandard2.0
      Fable.Browser.Event (>= 1.5) - restriction: >= netstandard2.0
      Fable.Core (>= 3.0) - restriction: >= netstandard2.0
      FSharp.Core (>= 4.7.2) - restriction: >= netstandard2.0
    Fable.Browser.XMLHttpRequest (1.3) - restriction: >= netstandard2.0
      Fable.Browser.Blob (>= 1.3) - restriction: >= netstandard2.0
      Fable.Browser.Event (>= 1.5) - restriction: >= netstandard2.0
      Fable.Core (>= 3.0) - restriction: >= netstandard2.0
      FSharp.Core (>= 4.7.2) - restriction: >= netstandard2.0
    Fable.Core (4.0)
    Fable.Elmish (4.0.1)
      Fable.Core (>= 3.7.1) - restriction: >= netstandard2.0
      FSharp.Core (>= 4.7.2) - restriction: >= netstandard2.0
    Fable.Elmish.Debugger (4.0)
      Fable.Elmish (>= 4.0) - restriction: >= netstandard2.0
      FSharp.Core (>= 6.0.7) - restriction: >= netstandard2.0
      Thoth.Json (>= 6.0) - restriction: >= netstandard2.0
    Fable.Elmish.HMR (7.0)
      Fable.Core (>= 3.7.1) - restriction: >= netstandard2.0
      Fable.Elmish.React (>= 4.0) - restriction: >= netstandard2.0
      FSharp.Core (>= 4.7.2) - restriction: >= netstandard2.0
    Fable.Elmish.React (4.0)
      Fable.Elmish (>= 4.0) - restriction: >= netstandard2.0
      Fable.ReactDom.Types (>= 18.0) - restriction: >= netstandard2.0
      FSharp.Core (>= 4.7.2) - restriction: >= netstandard2.0
    Fable.Mocha (2.16)
      Fable.Core (>= 3.0) - restriction: >= netstandard2.0
      FSharp.Core (>= 4.7) - restriction: >= netstandard2.0
    Fable.Parsimmon (4.1) - restriction: >= netstandard2.0
      Fable.Core (>= 3.0) - restriction: >= netstandard2.0
      FSharp.Core (>= 4.6.2) - restriction: >= netstandard2.0
    Fable.React (9.3)
      Fable.React.Types (>= 18.3) - restriction: >= netstandard2.0
      Fable.ReactDom.Types (>= 18.2) - restriction: >= netstandard2.0
      FSharp.Core (>= 4.7.2) - restriction: >= netstandard2.0
    Fable.React.Types (18.3) - restriction: >= netstandard2.0
      Fable.Browser.Dom (>= 2.4.4) - restriction: >= netstandard2.0
      Fable.Core (>= 3.2.7) - restriction: >= netstandard2.0
      FSharp.Core (>= 4.7.2) - restriction: >= netstandard2.0
    Fable.ReactDom.Types (18.2) - restriction: >= netstandard2.0
      Fable.React.Types (>= 18.3) - restriction: >= netstandard2.0
      FSharp.Core (>= 4.7.2) - restriction: >= netstandard2.0
    Fable.Remoting.Client (7.25)
      Fable.Browser.XMLHttpRequest (>= 1.0) - restriction: >= netstandard2.0
      Fable.Core (>= 3.1.5) - restriction: >= netstandard2.0
      Fable.Remoting.MsgPack (>= 1.18) - restriction: >= netstandard2.0
      Fable.SimpleJson (>= 3.24) - restriction: >= netstandard2.0
      FSharp.Core (>= 4.7.2) - restriction: >= netstandard2.0
    Fable.Remoting.Giraffe (5.14)
      Fable.Remoting.Server (>= 5.32) - restriction: >= net5.0
      FSharp.Core (>= 6.0) - restriction: >= net5.0
      Giraffe (>= 5.0) - restriction: >= net5.0
      Microsoft.IO.RecyclableMemoryStream (>= 2.2) - restriction: >= net5.0
    Fable.Remoting.Json (2.23) - restriction: >= net5.0
      FSharp.Core (>= 6.0) - restriction: || (>= net462) (>= netstandard2.0)
      Newtonsoft.Json (>= 12.0.2) - restriction: || (>= net462) (>= netstandard2.0)
    Fable.Remoting.MsgPack (1.18) - restriction: >= netstandard2.0
      FSharp.Core (>= 4.7.2) - restriction: || (>= net462) (>= netstandard2.0)
    Fable.Remoting.Server (5.32) - restriction: >= net5.0
      Fable.Remoting.Json (>= 2.21) - restriction: || (>= net462) (>= netstandard2.0)
      Fable.Remoting.MsgPack (>= 1.18) - restriction: || (>= net462) (>= netstandard2.0)
      FSharp.Core (>= 6.0) - restriction: || (>= net462) (>= netstandard2.0)
      Microsoft.IO.RecyclableMemoryStream (>= 2.2) - restriction: || (>= net462) (>= netstandard2.0)
    Fable.SimpleJson (3.24) - restriction: >= netstandard2.0
      Fable.Core (>= 3.1.5) - restriction: >= netstandard2.0
      Fable.Parsimmon (>= 4.0) - restriction: >= netstandard2.0
      FSharp.Core (>= 4.7) - restriction: >= netstandard2.0
    Fake.Core.CommandLineParsing (6.0) - restriction: >= netstandard2.0
      FParsec (>= 1.1.1) - restriction: >= netstandard2.0
      FSharp.Core (>= 6.0.3) - restriction: >= netstandard2.0
    Fake.Core.Context (6.0) - restriction: >= netstandard2.0
      FSharp.Core (>= 6.0.3) - restriction: >= netstandard2.0
    Fake.Core.Environment (6.0) - restriction: >= netstandard2.0
      FSharp.Core (>= 6.0.3) - restriction: >= netstandard2.0
    Fake.Core.FakeVar (6.0) - restriction: >= netstandard2.0
      Fake.Core.Context (>= 6.0) - restriction: >= netstandard2.0
      FSharp.Core (>= 6.0.3) - restriction: >= netstandard2.0
    Fake.Core.Process (6.0) - restriction: >= netstandard2.0
      Fake.Core.Environment (>= 6.0) - restriction: >= netstandard2.0
      Fake.Core.FakeVar (>= 6.0) - restriction: >= netstandard2.0
      Fake.Core.String (>= 6.0) - restriction: >= netstandard2.0
      Fake.Core.Trace (>= 6.0) - restriction: >= netstandard2.0
      Fake.IO.FileSystem (>= 6.0) - restriction: >= netstandard2.0
      FSharp.Core (>= 6.0.3) - restriction: >= netstandard2.0
      System.Collections.Immutable (>= 6.0) - restriction: >= netstandard2.0
    Fake.Core.String (6.0) - restriction: >= netstandard2.0
      FSharp.Core (>= 6.0.3) - restriction: >= netstandard2.0
    Fake.Core.Target (6.0)
      Fake.Core.CommandLineParsing (>= 6.0) - restriction: >= netstandard2.0
      Fake.Core.Context (>= 6.0) - restriction: >= netstandard2.0
      Fake.Core.Environment (>= 6.0) - restriction: >= netstandard2.0
      Fake.Core.FakeVar (>= 6.0) - restriction: >= netstandard2.0
      Fake.Core.Process (>= 6.0) - restriction: >= netstandard2.0
      Fake.Core.String (>= 6.0) - restriction: >= netstandard2.0
      Fake.Core.Trace (>= 6.0) - restriction: >= netstandard2.0
      FSharp.Control.Reactive (>= 5.0.2) - restriction: >= netstandard2.0
      FSharp.Core (>= 6.0.3) - restriction: >= netstandard2.0
    Fake.Core.Trace (6.0) - restriction: >= netstandard2.0
      Fake.Core.Environment (>= 6.0) - restriction: >= netstandard2.0
      Fake.Core.FakeVar (>= 6.0) - restriction: >= netstandard2.0
      FSharp.Core (>= 6.0.3) - restriction: >= netstandard2.0
    Fake.IO.FileSystem (6.0)
      Fake.Core.String (>= 6.0) - restriction: >= netstandard2.0
      Fake.Core.Trace (>= 6.0) - restriction: >= netstandard2.0
      FSharp.Core (>= 6.0.3) - restriction: >= netstandard2.0
    Farmer (1.7.20)
      FSharp.Core (>= 5.0) - restriction: >= netstandard2.0
      System.Text.Json (>= 5.0) - restriction: >= netstandard2.0
    Feliz (2.6)
      Fable.ReactDom.Types (>= 18.2) - restriction: >= netstandard2.0
      Feliz.CompilerPlugins (>= 2.2) - restriction: >= netstandard2.0
      FSharp.Core (>= 4.7.2) - restriction: >= netstandard2.0
    Feliz.Bulma (3.0)
      Feliz (>= 2.4) - restriction: >= netstandard2.0
      FSharp.Core (>= 4.7.2) - restriction: >= netstandard2.0
    Feliz.CompilerPlugins (2.2) - restriction: >= netstandard2.0
      Fable.AST (>= 4.2.1) - restriction: >= netstandard2.0
      FSharp.Core (>= 4.7.2) - restriction: >= netstandard2.0
    Feliz.React.Msal (0.2.7.1)
      Feliz (>= 2.6) - restriction: >= netstandard2.0
      FSharp.Core (>= 7.0) - restriction: >= netstandard2.0
    FParsec (1.1.1) - restriction: >= netstandard2.0
      FSharp.Core (>= 4.3.4) - restriction: || (>= net45) (>= netstandard2.0)
      System.ValueTuple (>= 4.4) - restriction: >= net45
    FSharp.Control.Reactive (5.0.5) - restriction: >= netstandard2.0
      FSharp.Core (>= 4.7.2) - restriction: >= netstandard2.0
      System.Reactive (>= 5.0 < 6.0) - restriction: >= netstandard2.0
    FSharp.Control.Websockets (0.2.3) - restriction: >= net6.0
      FSharp.Core (>= 6.0) - restriction: || (>= net461) (>= netstandard2.0)
      Microsoft.IO.RecyclableMemoryStream (>= 2.2.1) - restriction: || (>= net461) (>= netstandard2.0)
    FSharp.Core (7.0.200)
    Fulma (3.0)
      Fable.Core (>= 3.7.1) - restriction: >= netstandard2.0
      Fable.React (>= 9.2) - restriction: >= netstandard2.0
    Giraffe (6.0) - restriction: >= net5.0
      FSharp.Core (>= 6.0.1) - restriction: >= net6.0
      Giraffe.ViewEngine (>= 1.3) - restriction: >= net6.0
      Microsoft.IO.RecyclableMemoryStream (>= 2.2) - restriction: >= net6.0
      Newtonsoft.Json (>= 13.0.1) - restriction: >= net6.0
      System.Text.Json (>= 6.0.2) - restriction: >= net6.0
      Utf8Json (>= 1.3.7) - restriction: >= net6.0
    Giraffe.ViewEngine (1.4) - restriction: >= net6.0
      FSharp.Core (>= 5.0) - restriction: >= netstandard2.0
    Microsoft.AspNetCore.Authentication.JwtBearer (7.0.5)
      Microsoft.IdentityModel.Protocols.OpenIdConnect (>= 6.15.1) - restriction: >= net7.0
    Microsoft.AspNetCore.Authentication.OpenIdConnect (7.0.5) - restriction: >= netcoreapp3.1
      Microsoft.IdentityModel.Protocols.OpenIdConnect (>= 6.15.1) - restriction: >= net7.0
    Microsoft.AspNetCore.Cryptography.Internal (7.0.5) - restriction: || (>= net462) (&& (< netcoreapp3.1) (>= netstandard2.0))
    Microsoft.AspNetCore.DataProtection (7.0.5) - restriction: || (>= net462) (>= netstandard2.0)
      Microsoft.AspNetCore.Cryptography.Internal (>= 7.0.5) - restriction: || (>= net462) (>= netstandard2.0)
      Microsoft.AspNetCore.DataProtection.Abstractions (>= 7.0.5) - restriction: || (>= net462) (>= netstandard2.0)
      Microsoft.Extensions.DependencyInjection.Abstractions (>= 7.0) - restriction: || (>= net462) (>= netstandard2.0)
      Microsoft.Extensions.Hosting.Abstractions (>= 7.0) - restriction: || (>= net462) (>= netstandard2.0)
      Microsoft.Extensions.Logging.Abstractions (>= 7.0) - restriction: || (>= net462) (>= netstandard2.0)
      Microsoft.Extensions.Options (>= 7.0.1) - restriction: || (>= net462) (>= netstandard2.0)
      Microsoft.Win32.Registry (>= 5.0) - restriction: || (>= net462) (&& (< net7.0) (>= netstandard2.0))
      System.Runtime.InteropServices.RuntimeInformation (>= 4.3) - restriction: >= net462
      System.Security.Cryptography.Xml (>= 7.0.1) - restriction: || (>= net462) (>= netstandard2.0)
      System.Security.Principal.Windows (>= 5.0) - restriction: && (< net462) (< net7.0) (>= netstandard2.0)
    Microsoft.AspNetCore.DataProtection.Abstractions (7.0.5) - restriction: || (>= net462) (&& (< netcoreapp3.1) (>= netstandard2.0))
    Microsoft.Bcl.AsyncInterfaces (7.0) - restriction: || (>= net462) (>= netstandard2.0)
      System.Threading.Tasks.Extensions (>= 4.5.4) - restriction: || (>= net462) (&& (>= netstandard2.0) (< netstandard2.1))
    Microsoft.CSharp (4.7) - restriction: || (&& (< net45) (>= netstandard2.0)) (>= net6.0) (>= xamarinios)
    Microsoft.Extensions.Caching.Abstractions (7.0) - restriction: || (>= net462) (&& (< netcoreapp3.1) (>= netstandard2.0))
      Microsoft.Extensions.Primitives (>= 7.0) - restriction: || (>= net462) (>= netstandard2.0)
    Microsoft.Extensions.Caching.Memory (7.0) - restriction: || (>= net462) (>= netstandard2.0)
      Microsoft.Extensions.Caching.Abstractions (>= 7.0) - restriction: || (>= net462) (>= netstandard2.0)
      Microsoft.Extensions.DependencyInjection.Abstractions (>= 7.0) - restriction: || (>= net462) (>= netstandard2.0)
      Microsoft.Extensions.Logging.Abstractions (>= 7.0) - restriction: || (>= net462) (>= netstandard2.0)
      Microsoft.Extensions.Options (>= 7.0) - restriction: || (>= net462) (>= netstandard2.0)
      Microsoft.Extensions.Primitives (>= 7.0) - restriction: || (>= net462) (>= netstandard2.0)
      System.ValueTuple (>= 4.5) - restriction: >= net462
    Microsoft.Extensions.Configuration (7.0) - restriction: || (>= net462) (&& (< netcoreapp3.1) (>= netstandard2.0))
      Microsoft.Extensions.Configuration.Abstractions (>= 7.0) - restriction: || (>= net462) (>= netstandard2.0)
      Microsoft.Extensions.Primitives (>= 7.0) - restriction: || (>= net462) (>= netstandard2.0)
    Microsoft.Extensions.Configuration.Abstractions (7.0) - restriction: || (>= net462) (>= netstandard2.0)
      Microsoft.Extensions.Primitives (>= 7.0) - restriction: || (>= net462) (>= netstandard2.0)
      System.ValueTuple (>= 4.5) - restriction: >= net462
    Microsoft.Extensions.Configuration.Binder (7.0.4) - restriction: || (>= net462) (&& (< net6.0) (>= netcoreapp3.1)) (>= netstandard2.0)
      Microsoft.Extensions.Configuration.Abstractions (>= 7.0) - restriction: || (>= net462) (>= netstandard2.0)
    Microsoft.Extensions.Configuration.CommandLine (7.0) - restriction: || (>= net462) (&& (< netcoreapp3.1) (>= netstandard2.0))
      Microsoft.Extensions.Configuration (>= 7.0) - restriction: || (>= net462) (>= netstandard2.0)
      Microsoft.Extensions.Configuration.Abstractions (>= 7.0) - restriction: || (>= net462) (>= netstandard2.0)
    Microsoft.Extensions.Configuration.EnvironmentVariables (7.0) - restriction: || (>= net462) (&& (< netcoreapp3.1) (>= netstandard2.0))
      Microsoft.Extensions.Configuration (>= 7.0) - restriction: || (>= net462) (>= netstandard2.0)
      Microsoft.Extensions.Configuration.Abstractions (>= 7.0) - restriction: || (>= net462) (>= netstandard2.0)
    Microsoft.Extensions.Configuration.FileExtensions (7.0) - restriction: || (>= net462) (&& (< netcoreapp3.1) (>= netstandard2.0))
      Microsoft.Extensions.Configuration (>= 7.0) - restriction: || (>= net462) (>= netstandard2.0)
      Microsoft.Extensions.Configuration.Abstractions (>= 7.0) - restriction: || (>= net462) (>= netstandard2.0)
      Microsoft.Extensions.FileProviders.Abstractions (>= 7.0) - restriction: || (>= net462) (>= netstandard2.0)
      Microsoft.Extensions.FileProviders.Physical (>= 7.0) - restriction: || (>= net462) (>= netstandard2.0)
      Microsoft.Extensions.Primitives (>= 7.0) - restriction: || (>= net462) (>= netstandard2.0)
    Microsoft.Extensions.Configuration.Json (7.0) - restriction: || (>= net462) (&& (< netcoreapp3.1) (>= netstandard2.0))
      Microsoft.Extensions.Configuration (>= 7.0) - restriction: || (>= net462) (>= netstandard2.0)
      Microsoft.Extensions.Configuration.Abstractions (>= 7.0) - restriction: || (>= net462) (>= netstandard2.0)
      Microsoft.Extensions.Configuration.FileExtensions (>= 7.0) - restriction: || (>= net462) (>= netstandard2.0)
      Microsoft.Extensions.FileProviders.Abstractions (>= 7.0) - restriction: || (>= net462) (>= netstandard2.0)
      System.Text.Json (>= 7.0) - restriction: || (>= net462) (>= netstandard2.0)
    Microsoft.Extensions.Configuration.UserSecrets (7.0) - restriction: || (>= net462) (&& (< netcoreapp3.1) (>= netstandard2.0))
      Microsoft.Extensions.Configuration.Abstractions (>= 7.0) - restriction: || (>= net462) (>= netstandard2.0)
      Microsoft.Extensions.Configuration.Json (>= 7.0) - restriction: || (>= net462) (>= netstandard2.0)
      Microsoft.Extensions.FileProviders.Abstractions (>= 7.0) - restriction: || (>= net462) (>= netstandard2.0)
      Microsoft.Extensions.FileProviders.Physical (>= 7.0) - restriction: || (>= net462) (>= netstandard2.0)
    Microsoft.Extensions.DependencyInjection (7.0) - restriction: || (>= net462) (&& (< netcoreapp3.1) (>= netstandard2.0))
      Microsoft.Bcl.AsyncInterfaces (>= 7.0) - restriction: || (>= net462) (&& (>= netstandard2.0) (< netstandard2.1))
      Microsoft.Extensions.DependencyInjection.Abstractions (>= 7.0) - restriction: || (>= net462) (>= netstandard2.0)
      System.Threading.Tasks.Extensions (>= 4.5.4) - restriction: || (>= net462) (&& (>= netstandard2.0) (< netstandard2.1))
    Microsoft.Extensions.DependencyInjection.Abstractions (7.0) - restriction: || (>= net462) (>= netstandard2.0)
      Microsoft.Bcl.AsyncInterfaces (>= 7.0) - restriction: || (>= net462) (&& (>= netstandard2.0) (< netstandard2.1))
      System.Threading.Tasks.Extensions (>= 4.5.4) - restriction: || (>= net462) (&& (>= netstandard2.0) (< netstandard2.1))
    Microsoft.Extensions.FileProviders.Abstractions (7.0) - restriction: || (>= net462) (&& (< netcoreapp3.1) (>= netstandard2.0))
      Microsoft.Extensions.Primitives (>= 7.0) - restriction: || (>= net462) (>= netstandard2.0)
    Microsoft.Extensions.FileProviders.Physical (7.0) - restriction: || (>= net462) (&& (< netcoreapp3.1) (>= netstandard2.0))
      Microsoft.Extensions.FileProviders.Abstractions (>= 7.0) - restriction: || (>= net462) (>= netstandard2.0)
      Microsoft.Extensions.FileSystemGlobbing (>= 7.0) - restriction: || (>= net462) (>= netstandard2.0)
      Microsoft.Extensions.Primitives (>= 7.0) - restriction: || (>= net462) (>= netstandard2.0)
      System.Security.Cryptography.Algorithms (>= 4.3.1) - restriction: >= net462
    Microsoft.Extensions.FileSystemGlobbing (7.0) - restriction: || (>= net462) (&& (< netcoreapp3.1) (>= netstandard2.0))
    Microsoft.Extensions.Hosting (7.0.1) - restriction: || (>= net462) (&& (< netcoreapp3.1) (>= netstandard2.0))
      Microsoft.Bcl.AsyncInterfaces (>= 7.0) - restriction: || (>= net462) (&& (>= netstandard2.0) (< netstandard2.1))
      Microsoft.Extensions.Configuration (>= 7.0) - restriction: || (>= net462) (>= netstandard2.0)
      Microsoft.Extensions.Configuration.Abstractions (>= 7.0) - restriction: || (>= net462) (>= netstandard2.0)
      Microsoft.Extensions.Configuration.Binder (>= 7.0.3) - restriction: || (>= net462) (>= netstandard2.0)
      Microsoft.Extensions.Configuration.CommandLine (>= 7.0) - restriction: || (>= net462) (>= netstandard2.0)
      Microsoft.Extensions.Configuration.EnvironmentVariables (>= 7.0) - restriction: || (>= net462) (>= netstandard2.0)
      Microsoft.Extensions.Configuration.FileExtensions (>= 7.0) - restriction: || (>= net462) (>= netstandard2.0)
      Microsoft.Extensions.Configuration.Json (>= 7.0) - restriction: || (>= net462) (>= netstandard2.0)
      Microsoft.Extensions.Configuration.UserSecrets (>= 7.0) - restriction: || (>= net462) (>= netstandard2.0)
      Microsoft.Extensions.DependencyInjection (>= 7.0) - restriction: || (>= net462) (>= netstandard2.0)
      Microsoft.Extensions.DependencyInjection.Abstractions (>= 7.0) - restriction: || (>= net462) (>= netstandard2.0)
      Microsoft.Extensions.FileProviders.Abstractions (>= 7.0) - restriction: || (>= net462) (>= netstandard2.0)
      Microsoft.Extensions.FileProviders.Physical (>= 7.0) - restriction: || (>= net462) (>= netstandard2.0)
      Microsoft.Extensions.Hosting.Abstractions (>= 7.0) - restriction: || (>= net462) (>= netstandard2.0)
      Microsoft.Extensions.Logging (>= 7.0) - restriction: || (>= net462) (>= netstandard2.0)
      Microsoft.Extensions.Logging.Abstractions (>= 7.0) - restriction: || (>= net462) (>= netstandard2.0)
      Microsoft.Extensions.Logging.Configuration (>= 7.0) - restriction: || (>= net462) (>= netstandard2.0)
      Microsoft.Extensions.Logging.Console (>= 7.0) - restriction: || (>= net462) (>= netstandard2.0)
      Microsoft.Extensions.Logging.Debug (>= 7.0) - restriction: || (>= net462) (>= netstandard2.0)
      Microsoft.Extensions.Logging.EventLog (>= 7.0) - restriction: || (>= net462) (>= netstandard2.0)
      Microsoft.Extensions.Logging.EventSource (>= 7.0) - restriction: || (>= net462) (>= netstandard2.0)
      Microsoft.Extensions.Options (>= 7.0.1) - restriction: || (>= net462) (>= netstandard2.0)
      System.Diagnostics.DiagnosticSource (>= 7.0.1) - restriction: || (>= net462) (>= netstandard2.0)
      System.Runtime.InteropServices.RuntimeInformation (>= 4.3) - restriction: >= net462
      System.Threading.Tasks.Extensions (>= 4.5.4) - restriction: || (>= net462) (&& (>= netstandard2.0) (< netstandard2.1))
    Microsoft.Extensions.Hosting.Abstractions (7.0) - restriction: || (>= net462) (&& (< netcoreapp3.1) (>= netstandard2.0))
      Microsoft.Bcl.AsyncInterfaces (>= 7.0) - restriction: || (>= net462) (&& (>= netstandard2.0) (< netstandard2.1))
      Microsoft.Extensions.Configuration.Abstractions (>= 7.0) - restriction: || (>= net462) (>= netstandard2.0)
      Microsoft.Extensions.DependencyInjection.Abstractions (>= 7.0) - restriction: || (>= net462) (>= netstandard2.0)
      Microsoft.Extensions.FileProviders.Abstractions (>= 7.0) - restriction: || (>= net462) (>= netstandard2.0)
      System.Threading.Tasks.Extensions (>= 4.5.4) - restriction: || (>= net462) (&& (>= netstandard2.0) (< netstandard2.1))
    Microsoft.Extensions.Http (7.0) - restriction: || (>= net462) (>= netstandard2.0)
      Microsoft.Extensions.DependencyInjection.Abstractions (>= 7.0) - restriction: || (>= net462) (>= netstandard2.0)
      Microsoft.Extensions.Logging (>= 7.0) - restriction: || (>= net462) (>= netstandard2.0)
      Microsoft.Extensions.Logging.Abstractions (>= 7.0) - restriction: || (>= net462) (>= netstandard2.0)
      Microsoft.Extensions.Options (>= 7.0) - restriction: || (>= net462) (>= netstandard2.0)
    Microsoft.Extensions.Logging (7.0) - restriction: || (>= net462) (>= netstandard2.0)
      Microsoft.Bcl.AsyncInterfaces (>= 7.0) - restriction: || (>= net462) (&& (>= netstandard2.0) (< netstandard2.1))
      Microsoft.Extensions.DependencyInjection (>= 7.0) - restriction: || (>= net462) (>= netstandard2.0)
      Microsoft.Extensions.DependencyInjection.Abstractions (>= 7.0) - restriction: || (>= net462) (>= netstandard2.0)
      Microsoft.Extensions.Logging.Abstractions (>= 7.0) - restriction: || (>= net462) (>= netstandard2.0)
      Microsoft.Extensions.Options (>= 7.0) - restriction: || (>= net462) (>= netstandard2.0)
      System.Diagnostics.DiagnosticSource (>= 7.0) - restriction: || (>= net462) (&& (< net6.0) (>= netstandard2.1)) (&& (>= netstandard2.0) (< netstandard2.1))
      System.ValueTuple (>= 4.5) - restriction: >= net462
    Microsoft.Extensions.Logging.Abstractions (7.0) - restriction: || (>= net462) (>= netstandard2.0)
      System.Buffers (>= 4.5.1) - restriction: || (>= net462) (&& (< net6.0) (>= netstandard2.0))
      System.Memory (>= 4.5.5) - restriction: || (>= net462) (&& (< net6.0) (>= netstandard2.0))
    Microsoft.Extensions.Logging.Configuration (7.0) - restriction: || (>= net462) (&& (< netcoreapp3.1) (>= netstandard2.0))
      Microsoft.Extensions.Configuration (>= 7.0) - restriction: || (>= net462) (>= netstandard2.0)
      Microsoft.Extensions.Configuration.Abstractions (>= 7.0) - restriction: || (>= net462) (>= netstandard2.0)
      Microsoft.Extensions.Configuration.Binder (>= 7.0) - restriction: || (>= net462) (>= netstandard2.0)
      Microsoft.Extensions.DependencyInjection.Abstractions (>= 7.0) - restriction: || (>= net462) (>= netstandard2.0)
      Microsoft.Extensions.Logging (>= 7.0) - restriction: || (>= net462) (>= netstandard2.0)
      Microsoft.Extensions.Logging.Abstractions (>= 7.0) - restriction: || (>= net462) (>= netstandard2.0)
      Microsoft.Extensions.Options (>= 7.0) - restriction: || (>= net462) (>= netstandard2.0)
      Microsoft.Extensions.Options.ConfigurationExtensions (>= 7.0) - restriction: || (>= net462) (>= netstandard2.0)
    Microsoft.Extensions.Logging.Console (7.0) - restriction: || (>= net462) (&& (< netcoreapp3.1) (>= netstandard2.0))
      Microsoft.Bcl.AsyncInterfaces (>= 7.0) - restriction: || (>= net462) (&& (< net6.0) (>= netstandard2.0))
      Microsoft.Extensions.DependencyInjection.Abstractions (>= 7.0) - restriction: || (>= net462) (>= netstandard2.0)
      Microsoft.Extensions.Logging (>= 7.0) - restriction: || (>= net462) (>= netstandard2.0)
      Microsoft.Extensions.Logging.Abstractions (>= 7.0) - restriction: || (>= net462) (>= netstandard2.0)
      Microsoft.Extensions.Logging.Configuration (>= 7.0) - restriction: || (>= net462) (>= netstandard2.0)
      Microsoft.Extensions.Options (>= 7.0) - restriction: || (>= net462) (>= netstandard2.0)
      System.Buffers (>= 4.5.1) - restriction: || (>= net462) (&& (< net6.0) (>= netstandard2.0))
      System.Runtime.InteropServices.RuntimeInformation (>= 4.3) - restriction: >= net462
      System.Text.Json (>= 7.0) - restriction: || (>= net462) (>= netstandard2.0)
      System.ValueTuple (>= 4.5) - restriction: >= net462
    Microsoft.Extensions.Logging.Debug (7.0) - restriction: || (>= net462) (&& (< netcoreapp3.1) (>= netstandard2.0))
      Microsoft.Extensions.DependencyInjection.Abstractions (>= 7.0) - restriction: || (>= net462) (>= netstandard2.0)
      Microsoft.Extensions.Logging (>= 7.0) - restriction: || (>= net462) (>= netstandard2.0)
      Microsoft.Extensions.Logging.Abstractions (>= 7.0) - restriction: || (>= net462) (>= netstandard2.0)
    Microsoft.Extensions.Logging.EventLog (7.0) - restriction: || (>= net462) (&& (< netcoreapp3.1) (>= netstandard2.0))
      Microsoft.Extensions.DependencyInjection.Abstractions (>= 7.0) - restriction: || (>= net462) (>= netstandard2.0)
      Microsoft.Extensions.Logging (>= 7.0) - restriction: || (>= net462) (>= netstandard2.0)
      Microsoft.Extensions.Logging.Abstractions (>= 7.0) - restriction: || (>= net462) (>= netstandard2.0)
      Microsoft.Extensions.Options (>= 7.0) - restriction: || (>= net462) (>= netstandard2.0)
      System.Diagnostics.EventLog (>= 7.0) - restriction: || (&& (< net462) (>= netstandard2.0)) (>= net6.0)
    Microsoft.Extensions.Logging.EventSource (7.0) - restriction: || (>= net462) (&& (< netcoreapp3.1) (>= netstandard2.0))
      Microsoft.Bcl.AsyncInterfaces (>= 7.0) - restriction: || (>= net462) (&& (< net6.0) (>= netstandard2.0))
      Microsoft.Extensions.DependencyInjection.Abstractions (>= 7.0) - restriction: || (>= net462) (>= netstandard2.0)
      Microsoft.Extensions.Logging (>= 7.0) - restriction: || (>= net462) (>= netstandard2.0)
      Microsoft.Extensions.Logging.Abstractions (>= 7.0) - restriction: || (>= net462) (>= netstandard2.0)
      Microsoft.Extensions.Options (>= 7.0) - restriction: || (>= net462) (>= netstandard2.0)
      Microsoft.Extensions.Primitives (>= 7.0) - restriction: || (>= net462) (>= netstandard2.0)
      System.Memory (>= 4.5.5) - restriction: || (>= net462) (&& (< net6.0) (>= netstandard2.0))
      System.Runtime.CompilerServices.Unsafe (>= 6.0) - restriction: || (>= net462) (&& (>= net6.0) (< net7.0)) (&& (< net6.0) (>= netstandard2.0))
      System.Text.Json (>= 7.0) - restriction: || (>= net462) (>= netstandard2.0)
    Microsoft.Extensions.Options (7.0.1) - restriction: || (>= net462) (>= netstandard2.0)
      Microsoft.Extensions.DependencyInjection.Abstractions (>= 7.0) - restriction: || (>= net462) (>= netstandard2.0)
      Microsoft.Extensions.Primitives (>= 7.0) - restriction: || (>= net462) (>= netstandard2.0)
      System.ComponentModel.Annotations (>= 5.0) - restriction: && (< net462) (>= netstandard2.0) (< netstandard2.1)
    Microsoft.Extensions.Options.ConfigurationExtensions (7.0) - restriction: || (>= net462) (>= netstandard2.0)
      Microsoft.Extensions.Configuration.Abstractions (>= 7.0) - restriction: || (>= net462) (>= netstandard2.0)
      Microsoft.Extensions.Configuration.Binder (>= 7.0) - restriction: || (>= net462) (>= netstandard2.0)
      Microsoft.Extensions.DependencyInjection.Abstractions (>= 7.0) - restriction: || (>= net462) (>= netstandard2.0)
      Microsoft.Extensions.Options (>= 7.0) - restriction: || (>= net462) (>= netstandard2.0)
      Microsoft.Extensions.Primitives (>= 7.0) - restriction: || (>= net462) (>= netstandard2.0)
    Microsoft.Extensions.Primitives (7.0) - restriction: || (>= net462) (>= netstandard2.0)
      System.Memory (>= 4.5.5) - restriction: || (>= net462) (&& (< net6.0) (>= netstandard2.0))
      System.Runtime.CompilerServices.Unsafe (>= 6.0) - restriction: || (>= net462) (&& (>= net6.0) (< net7.0)) (&& (< net6.0) (>= netstandard2.0))
    Microsoft.Identity.Abstractions (3.1) - restriction: || (>= net462) (>= netstandard2.0)
      System.Net.Http (>= 4.3.4) - restriction: >= net462
    Microsoft.Identity.Client (4.53) - restriction: || (>= net462) (>= netstandard2.0)
      Microsoft.CSharp (>= 4.5) - restriction: && (< net6.0) (>= xamarinios)
      Microsoft.Identity.Client.NativeInterop (>= 0.13.7) - restriction: >= net6.0-windows7.0
      Microsoft.IdentityModel.Abstractions (>= 6.22) - restriction: || (&& (>= monoandroid10.0) (< net6.0)) (&& (< monoandroid10.0) (>= monoandroid9.0) (< netcoreapp2.1)) (&& (< monoandroid9.0) (< net45) (< netcoreapp2.1) (>= netstandard2.0) (< xamarinios)) (&& (< monoandroid9.0) (>= net6.0) (< xamarinios)) (&& (< monoandroid9.0) (< net6.0) (>= netcoreapp2.1) (< xamarinios)) (&& (>= net45) (< netstandard2.0)) (>= net461) (&& (< net6.0) (>= xamarinios)) (>= net6.0-android) (>= net6.0-ios) (>= net6.0-windows7.0)
      Microsoft.Web.WebView2 (>= 1.0.864.35) - restriction: >= net6.0-windows7.0
      System.ComponentModel.TypeConverter (>= 4.3) - restriction: && (< net6.0) (>= xamarinios)
      System.Runtime.InteropServices.NFloat.Internal (>= 6.0.1) - restriction: >= net6.0-ios
      System.Runtime.Serialization.Formatters (>= 4.3) - restriction: && (< net6.0) (>= xamarinios)
      System.Runtime.Serialization.Primitives (>= 4.3) - restriction: && (< net6.0) (>= xamarinios)
      System.Security.SecureString (>= 4.3) - restriction: || (&& (>= monoandroid10.0) (< net6.0)) (&& (< monoandroid10.0) (>= monoandroid9.0) (< netcoreapp2.1)) (&& (< net6.0) (>= xamarinios)) (>= net6.0-android) (>= net6.0-ios)
      System.Xml.XmlDocument (>= 4.3) - restriction: && (< net6.0) (>= xamarinios)
      Xamarin.Android.Support.CustomTabs (>= 28.0.0.3) - restriction: && (< monoandroid10.0) (>= monoandroid9.0) (< netcoreapp2.1)
      Xamarin.AndroidX.Browser (>= 1.0) - restriction: && (>= monoandroid10.0) (< net6.0)
    Microsoft.Identity.Client.Extensions.Msal (2.28) - restriction: >= netstandard2.0
      Microsoft.Identity.Client (>= 4.52) - restriction: || (>= net45) (>= netstandard2.0)
      System.IO.FileSystem.AccessControl (>= 5.0) - restriction: || (&& (< net45) (>= netstandard2.0)) (>= netcoreapp3.1)
      System.Security.Cryptography.ProtectedData (>= 4.5) - restriction: || (&& (< net45) (>= netstandard2.0)) (>= netcoreapp3.1)
    Microsoft.Identity.Client.NativeInterop (0.13.7) - restriction: >= net6.0-windows7.0
    Microsoft.Identity.Web (2.9)
      Microsoft.AspNetCore.Authentication.JwtBearer (>= 3.1.18) - restriction: && (< net6.0) (>= netcoreapp3.1)
      Microsoft.AspNetCore.Authentication.JwtBearer (>= 6.0.12) - restriction: && (>= net6.0) (< net7.0)
      Microsoft.AspNetCore.Authentication.JwtBearer (>= 7.0.1) - restriction: >= net7.0
      Microsoft.AspNetCore.DataProtection (>= 2.1) - restriction: || (&& (< net462) (< netcoreapp3.1) (>= netstandard2.0)) (>= net472)
      Microsoft.AspNetCore.DataProtection (>= 5.0.8) - restriction: && (>= net462) (< net472)
      Microsoft.Extensions.Caching.Memory (>= 2.1) - restriction: || (&& (< net462) (< netcoreapp3.1) (>= netstandard2.0)) (>= net472)
      Microsoft.Extensions.Caching.Memory (>= 5.0) - restriction: && (>= net462) (< net472)
      Microsoft.Extensions.Hosting (>= 2.1.1) - restriction: || (&& (< net462) (< netcoreapp3.1) (>= netstandard2.0)) (>= net472)
      Microsoft.Extensions.Hosting (>= 6.0) - restriction: && (>= net462) (< net472)
      Microsoft.Extensions.Http (>= 3.1.3) - restriction: || (>= net462) (>= netstandard2.0)
      Microsoft.Identity.Web.Certificate (>= 2.9) - restriction: || (>= net462) (>= netstandard2.0)
      Microsoft.Identity.Web.Certificateless (>= 2.9) - restriction: || (>= net462) (>= netstandard2.0)
      Microsoft.Identity.Web.TokenAcquisition (>= 2.9) - restriction: || (>= net462) (>= netstandard2.0)
      Microsoft.Identity.Web.TokenCache (>= 2.9) - restriction: || (>= net462) (>= netstandard2.0)
      Microsoft.IdentityModel.Protocols.OpenIdConnect (>= 6.29) - restriction: || (>= net462) (>= netstandard2.0)
      Microsoft.IdentityModel.Validators (>= 6.29) - restriction: || (>= net462) (>= netstandard2.0)
      System.Drawing.Common (>= 4.7.2) - restriction: || (>= net462) (>= netstandard2.0)
      System.IdentityModel.Tokens.Jwt (>= 6.29) - restriction: || (>= net462) (>= netstandard2.0)
      System.Security.Cryptography.Xml (>= 4.7.1) - restriction: || (&& (< net462) (< netcoreapp3.1) (>= netstandard2.0)) (>= net472)
      System.Security.Cryptography.Xml (>= 6.0.1) - restriction: && (>= net462) (< net472)
      System.Text.Encodings.Web (>= 4.7.2) - restriction: || (&& (< net462) (< netcoreapp3.1) (>= netstandard2.0)) (>= net472) (&& (< net6.0) (>= netcoreapp3.1))
      System.Text.Encodings.Web (>= 6.0) - restriction: || (&& (>= net462) (< net472)) (&& (>= net6.0) (< net7.0))
      System.Text.Encodings.Web (>= 7.0) - restriction: >= net7.0
    Microsoft.Identity.Web.Certificate (2.9) - restriction: || (>= net462) (>= netstandard2.0)
      Azure.Identity (>= 1.3) - restriction: || (>= net462) (>= netstandard2.0)
      Azure.Security.KeyVault.Certificates (>= 4.1) - restriction: || (>= net462) (>= netstandard2.0)
      Azure.Security.KeyVault.Secrets (>= 4.1) - restriction: || (>= net462) (>= netstandard2.0)
      Microsoft.Identity.Abstractions (>= 3.1) - restriction: || (>= net462) (>= netstandard2.0)
      Microsoft.Identity.Web.Certificateless (>= 2.9) - restriction: || (>= net462) (>= netstandard2.0)
      Microsoft.Identity.Web.Diagnostics (>= 2.9) - restriction: || (>= net462) (>= netstandard2.0)
      System.Text.Encodings.Web (>= 4.7.2) - restriction: || (&& (< net462) (< netcoreapp3.1) (>= netstandard2.0)) (>= net472) (&& (< net6.0) (>= netcoreapp3.1))
      System.Text.Encodings.Web (>= 6.0) - restriction: || (&& (>= net462) (< net472)) (&& (>= net6.0) (< net7.0))
      System.Text.Encodings.Web (>= 7.0) - restriction: >= net7.0
    Microsoft.Identity.Web.Certificateless (2.9) - restriction: || (>= net462) (>= netstandard2.0)
      Azure.Identity (>= 1.3) - restriction: >= netstandard2.0
      Microsoft.IdentityModel.JsonWebTokens (>= 6.29) - restriction: >= netstandard2.0
      System.Text.Encodings.Web (>= 4.7.2) - restriction: >= netstandard2.0
    Microsoft.Identity.Web.Diagnostics (2.9) - restriction: || (>= net462) (>= netstandard2.0)
    Microsoft.Identity.Web.TokenAcquisition (2.9) - restriction: || (>= net462) (>= netstandard2.0)
      Microsoft.AspNetCore.Authentication.JwtBearer (>= 3.1.18) - restriction: && (< net6.0) (>= netcoreapp3.1)
      Microsoft.AspNetCore.Authentication.JwtBearer (>= 6.0.12) - restriction: && (>= net6.0) (< net7.0)
      Microsoft.AspNetCore.Authentication.JwtBearer (>= 7.0.1) - restriction: >= net7.0
      Microsoft.AspNetCore.Authentication.OpenIdConnect (>= 3.1.18) - restriction: && (< net6.0) (>= netcoreapp3.1)
      Microsoft.AspNetCore.Authentication.OpenIdConnect (>= 6.0.12) - restriction: && (>= net6.0) (< net7.0)
      Microsoft.AspNetCore.Authentication.OpenIdConnect (>= 7.0.1) - restriction: >= net7.0
      Microsoft.Extensions.Configuration.Binder (>= 3.1.30) - restriction: && (< net6.0) (>= netcoreapp3.1)
      Microsoft.Extensions.Configuration.Binder (>= 6.0) - restriction: && (>= net462) (< net472)
      Microsoft.Extensions.Configuration.Json (>= 3.1) - restriction: || (>= net462) (&& (< netcoreapp3.1) (>= netstandard2.0))
      Microsoft.Extensions.Http (>= 3.1.3) - restriction: || (>= net462) (>= netstandard2.0)
      Microsoft.Extensions.Options.ConfigurationExtensions (>= 2.1) - restriction: || (>= net462) (&& (< netcoreapp3.1) (>= netstandard2.0))
      Microsoft.Extensions.Options.ConfigurationExtensions (>= 3.1.30) - restriction: && (< net6.0) (>= netcoreapp3.1)
      Microsoft.Extensions.Options.ConfigurationExtensions (>= 6.0) - restriction: && (>= net6.0) (< net7.0)
      Microsoft.Extensions.Options.ConfigurationExtensions (>= 7.0) - restriction: >= net7.0
      Microsoft.Identity.Abstractions (>= 3.1) - restriction: || (>= net462) (>= netstandard2.0)
      Microsoft.Identity.Web.Certificate (>= 2.9) - restriction: || (>= net462) (>= netstandard2.0)
      Microsoft.Identity.Web.Certificateless (>= 2.9) - restriction: || (>= net462) (>= netstandard2.0)
      Microsoft.Identity.Web.TokenCache (>= 2.9) - restriction: || (>= net462) (>= netstandard2.0)
      Microsoft.IdentityModel.Logging (>= 6.29) - restriction: || (>= net462) (>= netstandard2.0)
      Microsoft.IdentityModel.LoggingExtensions (>= 6.29) - restriction: || (>= net462) (>= netstandard2.0)
      Microsoft.IdentityModel.Protocols.OpenIdConnect (>= 6.29) - restriction: >= netcoreapp3.1
      System.IdentityModel.Tokens.Jwt (>= 6.29) - restriction: || (>= net462) (>= netstandard2.0)
      System.Text.Encodings.Web (>= 4.7.2) - restriction: || (&& (< net462) (< netcoreapp3.1) (>= netstandard2.0)) (>= net472) (&& (< net6.0) (>= netcoreapp3.1))
      System.Text.Encodings.Web (>= 6.0) - restriction: || (&& (>= net462) (< net472)) (&& (>= net6.0) (< net7.0))
      System.Text.Encodings.Web (>= 7.0) - restriction: >= net7.0
    Microsoft.Identity.Web.TokenCache (2.9) - restriction: || (>= net462) (>= netstandard2.0)
      Microsoft.AspNetCore.DataProtection (>= 2.1) - restriction: || (&& (< net462) (< netcoreapp3.1) (>= netstandard2.0)) (>= net472)
      Microsoft.AspNetCore.DataProtection (>= 3.1.30) - restriction: && (< net6.0) (>= netcoreapp3.1)
      Microsoft.AspNetCore.DataProtection (>= 5.0.8) - restriction: && (>= net462) (< net472)
      Microsoft.AspNetCore.DataProtection (>= 6.0.16) - restriction: && (>= net6.0) (< net7.0)
      Microsoft.AspNetCore.DataProtection (>= 7.0.5) - restriction: >= net7.0
      Microsoft.Extensions.Caching.Memory (>= 2.1) - restriction: || (&& (< net462) (< netcoreapp3.1) (>= netstandard2.0)) (>= net472)
      Microsoft.Extensions.Caching.Memory (>= 3.1.30) - restriction: && (< net6.0) (>= netcoreapp3.1)
      Microsoft.Extensions.Caching.Memory (>= 5.0) - restriction: && (>= net462) (< net472)
      Microsoft.Extensions.Caching.Memory (>= 6.0.1) - restriction: && (>= net6.0) (< net7.0)
      Microsoft.Extensions.Caching.Memory (>= 7.0) - restriction: >= net7.0
      Microsoft.Extensions.DependencyInjection (>= 2.1) - restriction: || (&& (< net462) (< netcoreapp3.1) (>= netstandard2.0)) (>= net472)
      Microsoft.Extensions.Logging (>= 2.1) - restriction: || (&& (< net462) (< netcoreapp3.1) (>= netstandard2.0)) (>= net472)
      Microsoft.Extensions.Logging (>= 3.1.30) - restriction: && (< net6.0) (>= netcoreapp3.1)
      Microsoft.Extensions.Logging (>= 5.0) - restriction: && (>= net462) (< net472)
      Microsoft.Extensions.Logging (>= 6.0) - restriction: && (>= net6.0) (< net7.0)
      Microsoft.Extensions.Logging (>= 7.0) - restriction: >= net7.0
      Microsoft.Identity.Client (>= 4.53) - restriction: || (>= net462) (>= netstandard2.0)
      Microsoft.Identity.Web.Diagnostics (>= 2.9) - restriction: || (>= net462) (>= netstandard2.0)
      System.Drawing.Common (>= 4.7.2) - restriction: || (>= net462) (>= netstandard2.0)
      System.Security.Cryptography.Xml (>= 4.7.1) - restriction: || (&& (< net462) (< netcoreapp3.1) (>= netstandard2.0)) (>= net472)
      System.Security.Cryptography.Xml (>= 6.0.1) - restriction: || (&& (>= net462) (< net472)) (&& (>= net6.0) (< net7.0))
      System.Security.Cryptography.Xml (>= 7.0.1) - restriction: >= net7.0
      System.Text.Encodings.Web (>= 4.7.2) - restriction: || (&& (< net462) (< netcoreapp3.1) (>= netstandard2.0)) (>= net472) (&& (< net6.0) (>= netcoreapp3.1))
      System.Text.Encodings.Web (>= 6.0) - restriction: || (&& (>= net462) (< net472)) (&& (>= net6.0) (< net7.0))
      System.Text.Encodings.Web (>= 7.0) - restriction: >= net7.0
    Microsoft.IdentityModel.Abstractions (6.29) - restriction: || (&& (>= monoandroid10.0) (< net6.0)) (&& (< monoandroid10.0) (>= monoandroid9.0) (< netcoreapp2.1)) (&& (< monoandroid9.0) (>= net6.0) (< xamarinios)) (&& (< monoandroid9.0) (< net6.0) (>= netcoreapp2.1) (< xamarinios)) (>= net462) (&& (< net6.0) (>= xamarinios)) (>= netstandard2.0)
    Microsoft.IdentityModel.JsonWebTokens (6.29) - restriction: || (>= net462) (>= netstandard2.0)
      Microsoft.IdentityModel.Tokens (>= 6.29) - restriction: || (&& (>= net45) (< net461) (< netstandard2.0)) (&& (< net45) (>= netstandard2.0)) (&& (>= net461) (< netstandard2.0)) (>= net462) (>= net6.0)
      System.Text.Encoding (>= 4.3) - restriction: || (&& (< net45) (>= netstandard2.0)) (&& (>= net461) (< netstandard2.0)) (>= net462) (>= net6.0)
      System.Text.Encodings.Web (>= 4.7.2) - restriction: || (&& (< net45) (>= netstandard2.0)) (&& (>= net461) (< netstandard2.0)) (>= net462) (>= net6.0)
      System.Text.Json (>= 4.7.2) - restriction: || (&& (< net45) (>= netstandard2.0)) (&& (>= net461) (< netstandard2.0)) (>= net462) (>= net6.0)
    Microsoft.IdentityModel.Logging (6.29) - restriction: || (>= net462) (>= netstandard2.0)
      Microsoft.IdentityModel.Abstractions (>= 6.29) - restriction: || (&& (>= net45) (< net461) (< netstandard2.0)) (&& (< net45) (>= netstandard2.0)) (&& (>= net461) (< netstandard2.0)) (>= net462) (>= net6.0)
    Microsoft.IdentityModel.LoggingExtensions (6.29) - restriction: || (>= net462) (>= netstandard2.0)
      Microsoft.Extensions.Logging.Abstractions (>= 2.1.1) - restriction: >= netstandard2.0
      Microsoft.IdentityModel.Abstractions (>= 6.29) - restriction: >= netstandard2.0
    Microsoft.IdentityModel.Protocols (6.29) - restriction: || (&& (< net45) (>= netstandard2.0)) (>= net462) (>= net6.0)
      Microsoft.IdentityModel.Logging (>= 6.29) - restriction: || (&& (>= net45) (< net461) (< netstandard2.0)) (&& (< net45) (>= netstandard2.0)) (&& (>= net461) (< netstandard2.0)) (>= net462) (>= net6.0)
      Microsoft.IdentityModel.Tokens (>= 6.29) - restriction: || (&& (>= net45) (< net461) (< netstandard2.0)) (&& (< net45) (>= netstandard2.0)) (&& (>= net461) (< netstandard2.0)) (>= net462) (>= net6.0)
    Microsoft.IdentityModel.Protocols.OpenIdConnect (6.29) - restriction: || (>= net462) (>= netstandard2.0)
      Microsoft.IdentityModel.Protocols (>= 6.29) - restriction: || (&& (>= net45) (< net461) (< netstandard2.0)) (&& (< net45) (>= netstandard2.0)) (&& (>= net461) (< netstandard2.0)) (>= net462) (>= net6.0)
      System.IdentityModel.Tokens.Jwt (>= 6.29) - restriction: || (&& (>= net45) (< net461) (< netstandard2.0)) (&& (< net45) (>= netstandard2.0)) (&& (>= net461) (< netstandard2.0)) (>= net462) (>= net6.0)
      System.Text.Encoding (>= 4.3) - restriction: || (&& (< net45) (< net6.0) (>= netstandard2.0)) (&& (>= net461) (< netstandard2.0)) (>= net462)
      System.Text.Encodings.Web (>= 4.7.2) - restriction: || (&& (< net45) (< net6.0) (>= netstandard2.0)) (&& (>= net461) (< netstandard2.0)) (>= net462)
      System.Text.Json (>= 4.7.2) - restriction: || (&& (< net45) (< net6.0) (>= netstandard2.0)) (&& (>= net461) (< netstandard2.0)) (>= net462)
    Microsoft.IdentityModel.Tokens (6.29) - restriction: || (&& (< net45) (>= netstandard2.0)) (>= net462) (>= net6.0)
      Microsoft.CSharp (>= 4.5) - restriction: || (&& (< net45) (>= netstandard2.0)) (>= net6.0)
      Microsoft.IdentityModel.Logging (>= 6.29) - restriction: || (&& (>= net45) (< net461) (< netstandard2.0)) (&& (< net45) (>= netstandard2.0)) (&& (>= net461) (< netstandard2.0)) (>= net462) (>= net6.0)
      System.Security.Cryptography.Cng (>= 4.5) - restriction: || (&& (< net45) (>= netstandard2.0)) (>= net6.0)
      System.Text.Encoding (>= 4.3) - restriction: || (&& (< net45) (< net6.0) (>= netstandard2.0)) (&& (>= net461) (< netstandard2.0)) (>= net462)
      System.Text.Encodings.Web (>= 4.7.2) - restriction: || (&& (< net45) (< net6.0) (>= netstandard2.0)) (&& (>= net461) (< netstandard2.0)) (>= net462)
      System.Text.Json (>= 4.7.2) - restriction: || (&& (< net45) (< net6.0) (>= netstandard2.0)) (&& (>= net461) (< netstandard2.0)) (>= net462)
    Microsoft.IdentityModel.Validators (6.29) - restriction: || (>= net462) (>= netstandard2.0)
      Microsoft.IdentityModel.Protocols (>= 6.29) - restriction: || (&& (>= net45) (< net461) (< netstandard2.0)) (&& (< net45) (>= netstandard2.0)) (&& (>= net461) (< netstandard2.0)) (>= net462) (>= net6.0)
      Microsoft.IdentityModel.Protocols.OpenIdConnect (>= 6.29) - restriction: || (&& (>= net45) (< net461) (< netstandard2.0)) (&& (< net45) (>= netstandard2.0)) (&& (>= net461) (< netstandard2.0)) (>= net462) (>= net6.0)
      System.IdentityModel.Tokens.Jwt (>= 6.29) - restriction: || (&& (>= net45) (< net461) (< netstandard2.0)) (&& (< net45) (>= netstandard2.0)) (&& (>= net461) (< netstandard2.0)) (>= net462) (>= net6.0)
    Microsoft.IO.RecyclableMemoryStream (2.3.2) - restriction: >= net5.0
    Microsoft.NETCore.Platforms (7.0.2) - restriction: || (&& (< monoandroid) (< net45) (< net6.0) (>= netstandard2.0) (< win8) (< wpa81) (< xamarinios) (< xamarinmac) (< xamarintvos) (< xamarinwatchos)) (&& (< monoandroid) (< net45) (< netstandard1.2) (>= netstandard2.0) (< win8)) (&& (< monoandroid) (< net45) (< netstandard1.3) (>= netstandard2.0) (< win8) (< wpa81)) (&& (< monoandroid) (< net45) (< netstandard1.5) (>= netstandard2.0) (< win8) (< wpa81)) (&& (< monoandroid) (>= net6.0) (< netcoreapp2.1) (< netstandard2.1) (< xamarintvos) (< xamarinwatchos)) (&& (< net45) (>= net462)) (&& (>= net462) (>= net6.0)) (&& (>= netcoreapp2.0) (< netcoreapp2.1)) (&& (>= netcoreapp2.1) (< netcoreapp3.0))
    Microsoft.NETCore.Targets (5.0) - restriction: || (&& (< monoandroid) (< net45) (< net6.0) (>= netstandard2.0) (< win8) (< wpa81) (< xamarinios) (< xamarinmac) (< xamarintvos) (< xamarinwatchos)) (&& (< monoandroid) (< net45) (< netstandard1.2) (>= netstandard2.0) (< win8)) (&& (< monoandroid) (< net45) (< netstandard1.3) (>= netstandard2.0) (< win8) (< wpa81)) (&& (< monoandroid) (< net45) (< netstandard1.5) (>= netstandard2.0) (< win8) (< wpa81)) (&& (< net45) (>= net462))
    Microsoft.Web.WebView2 (1.0.1722.45) - restriction: >= net6.0-windows7.0
    Microsoft.Win32.Registry (5.0) - restriction: || (>= net462) (&& (< netcoreapp3.1) (>= netstandard2.0))
      System.Buffers (>= 4.5.1) - restriction: || (&& (>= monoandroid) (< netstandard1.3)) (>= monotouch) (&& (< net46) (< netcoreapp2.0) (>= netstandard2.0)) (>= xamarinios) (>= xamarinmac) (>= xamarintvos) (>= xamarinwatchos)
      System.Memory (>= 4.5.4) - restriction: || (&& (< monoandroid) (>= netcoreapp2.0) (< netcoreapp2.1) (< xamarinios) (< xamarinmac) (< xamarintvos) (< xamarinwatchos)) (&& (< net46) (< netcoreapp2.0) (>= netstandard2.0) (< xamarinios) (< xamarinmac) (< xamarintvos) (< xamarinwatchos)) (>= uap10.1)
      System.Security.AccessControl (>= 5.0) - restriction: || (&& (>= monoandroid) (< netstandard1.3)) (&& (< monoandroid) (>= netcoreapp2.0)) (>= monotouch) (&& (< net46) (< netcoreapp2.0) (>= netstandard2.0)) (>= net461) (>= netcoreapp2.1) (>= uap10.1) (>= xamarinios) (>= xamarinmac) (>= xamarintvos) (>= xamarinwatchos)
      System.Security.Principal.Windows (>= 5.0) - restriction: || (&& (>= monoandroid) (< netstandard1.3)) (&& (< monoandroid) (>= netcoreapp2.0)) (>= monotouch) (&& (< net46) (< netcoreapp2.0) (>= netstandard2.0)) (>= net461) (>= netcoreapp2.1) (>= uap10.1) (>= xamarinios) (>= xamarinmac) (>= xamarintvos) (>= xamarinwatchos)
    Microsoft.Win32.SystemEvents (7.0) - restriction: >= net6.0
    Mono.Cecil (0.11.4) - restriction: || (>= net461) (>= netstandard2.0)
    Newtonsoft.Json (13.0.3) - restriction: >= net5.0
    Saturn (0.16.1)
      FSharp.Control.Websockets (>= 0.2.2) - restriction: >= net6.0
      Giraffe (>= 6.0) - restriction: >= net6.0
      Microsoft.AspNetCore.Authentication.JwtBearer (>= 6.0.3) - restriction: >= net6.0
    System.Buffers (4.5.1) - restriction: || (&& (>= monoandroid) (>= netcoreapp3.1) (< netstandard1.3)) (&& (>= monoandroid) (< netstandard1.3) (>= netstandard2.0)) (&& (>= monotouch) (>= netcoreapp3.1)) (&& (>= monotouch) (>= netstandard2.0)) (&& (< net45) (< netcoreapp2.0) (>= netstandard2.0)) (&& (< net46) (< netcoreapp2.0) (>= netstandard2.0)) (>= net462) (&& (>= net6.0) (< netcoreapp3.1)) (&& (>= net6.0) (< netstandard2.1)) (&& (< net6.0) (>= netstandard2.0)) (&& (< netcoreapp2.0) (>= netcoreapp3.1)) (&& (>= netcoreapp3.1) (>= xamarintvos)) (&& (>= netcoreapp3.1) (>= xamarinwatchos)) (&& (< netcoreapp3.1) (>= netstandard2.0)) (&& (< netcoreapp3.1) (>= netstandard2.1)) (&& (>= netstandard2.0) (< netstandard2.1)) (&& (>= netstandard2.0) (>= xamarintvos)) (&& (>= netstandard2.0) (>= xamarinwatchos)) (>= xamarinios) (>= xamarinmac)
    System.Collections.Immutable (7.0) - restriction: >= netstandard2.0
      System.Memory (>= 4.5.5) - restriction: || (>= net462) (&& (< net6.0) (>= netstandard2.0))
      System.Runtime.CompilerServices.Unsafe (>= 6.0) - restriction: || (>= net462) (&& (>= net6.0) (< net7.0)) (&& (< net6.0) (>= netstandard2.0))
    System.ComponentModel.Annotations (5.0) - restriction: && (< net462) (>= netstandard2.0) (< netstandard2.1)
    System.ComponentModel.TypeConverter (4.3) - restriction: || (&& (>= net462) (>= xamarinios)) (&& (< net6.0) (>= xamarinios))
    System.Diagnostics.DiagnosticSource (7.0.2) - restriction: || (>= net462) (>= netstandard2.0)
      System.Memory (>= 4.5.5) - restriction: || (>= net462) (&& (< net6.0) (>= netstandard2.0))
      System.Runtime.CompilerServices.Unsafe (>= 6.0) - restriction: || (>= net462) (&& (>= net6.0) (< net7.0)) (&& (< net6.0) (>= netstandard2.0))
    System.Diagnostics.EventLog (7.0) - restriction: || (&& (>= net462) (>= net6.0)) (&& (< net462) (< netcoreapp3.1) (>= netstandard2.0)) (&& (>= net6.0) (< netcoreapp3.1))
      System.Security.Principal.Windows (>= 5.0) - restriction: || (>= net462) (&& (< net6.0) (>= netstandard2.0))
    System.Drawing.Common (7.0) - restriction: || (>= net462) (>= netstandard2.0)
      Microsoft.Win32.SystemEvents (>= 7.0) - restriction: >= net6.0
    System.Formats.Asn1 (7.0) - restriction: || (&& (>= net462) (>= net6.0)) (&& (< net462) (< netcoreapp3.1) (>= netstandard2.0)) (&& (>= net6.0) (< netcoreapp3.1)) (&& (>= net6.0) (< netstandard2.1) (< xamarintvos) (< xamarinwatchos)) (&& (>= netcoreapp3.0) (< netcoreapp3.1) (< xamarinios) (< xamarinmac) (< xamarintvos) (< xamarinwatchos)) (&& (>= netcoreapp3.0) (< netstandard2.1) (< xamarintvos) (< xamarinwatchos)) (&& (< netcoreapp3.1) (>= netstandard2.1))
      System.Buffers (>= 4.5.1) - restriction: || (>= net462) (&& (< net6.0) (>= netstandard2.0))
      System.Memory (>= 4.5.5) - restriction: || (>= net462) (&& (< net6.0) (>= netstandard2.0))
    System.IdentityModel.Tokens.Jwt (6.29) - restriction: || (>= net462) (>= netstandard2.0)
      Microsoft.IdentityModel.JsonWebTokens (>= 6.29) - restriction: || (&& (>= net45) (< net461) (< netstandard2.0)) (&& (< net45) (>= netstandard2.0)) (&& (>= net461) (< netstandard2.0)) (>= net462) (>= net6.0)
      Microsoft.IdentityModel.Tokens (>= 6.29) - restriction: || (&& (>= net45) (< net461) (< netstandard2.0)) (&& (< net45) (>= netstandard2.0)) (&& (>= net461) (< netstandard2.0)) (>= net462) (>= net6.0)
    System.IO (4.3) - restriction: || (&& (< net46) (>= net462) (< netstandard1.4)) (&& (< net46) (>= net462) (>= netstandard1.6)) (&& (< net46) (>= net462) (< netstandard1.6)) (>= net463)
    System.IO.FileSystem.AccessControl (5.0) - restriction: || (&& (< net45) (>= netstandard2.0)) (>= netcoreapp3.1)
      System.Buffers (>= 4.5.1) - restriction: || (&& (>= monoandroid) (< netstandard1.3)) (>= monotouch) (&& (< net46) (< netcoreapp2.0) (>= netstandard2.0)) (>= xamarinios) (>= xamarinmac) (>= xamarintvos) (>= xamarinwatchos)
      System.Memory (>= 4.5.4) - restriction: || (&& (< monoandroid) (>= netcoreapp2.0) (< netcoreapp2.1) (< xamarinios) (< xamarinmac) (< xamarintvos) (< xamarinwatchos)) (&& (< net46) (< netcoreapp2.0) (>= netstandard2.0) (< xamarinios) (< xamarinmac) (< xamarintvos) (< xamarinwatchos)) (>= uap10.1)
      System.Security.AccessControl (>= 5.0) - restriction: || (&& (>= monoandroid) (< netstandard1.3)) (&& (< monoandroid) (< net46) (>= netstandard1.3) (< netstandard2.0)) (&& (< monoandroid) (>= netcoreapp2.0)) (>= monotouch) (&& (>= net46) (< netstandard2.0)) (&& (< net46) (< netcoreapp2.0) (>= netstandard2.0)) (>= net461) (>= netcoreapp2.1) (>= uap10.1) (>= xamarinios) (>= xamarinmac) (>= xamarintvos) (>= xamarinwatchos)
      System.Security.Principal.Windows (>= 5.0) - restriction: || (&& (>= monoandroid) (< netstandard1.3)) (&& (< monoandroid) (< net46) (>= netstandard1.3) (< netstandard2.0)) (&& (< monoandroid) (>= netcoreapp2.0)) (>= monotouch) (&& (>= net46) (< netstandard2.0)) (&& (< net46) (< netcoreapp2.0) (>= netstandard2.0)) (>= net461) (>= netcoreapp2.1) (>= uap10.1) (>= xamarinios) (>= xamarinmac) (>= xamarintvos) (>= xamarinwatchos)
    System.Memory (4.5.5) - restriction: || (&& (< monoandroid) (>= netcoreapp2.0) (< netcoreapp2.1) (< xamarinios) (< xamarinmac) (< xamarintvos) (< xamarinwatchos)) (>= net462) (&& (>= net6.0) (< netstandard2.1)) (>= netstandard2.0)
      System.Buffers (>= 4.5.1) - restriction: || (&& (>= monoandroid) (< netstandard1.1)) (&& (< monoandroid) (< net45) (>= netstandard1.1) (< netstandard2.0) (< win8) (< wpa81)) (&& (< monoandroid) (< netstandard1.1) (>= portable-net45+win8+wpa81) (< win8)) (>= monotouch) (&& (>= net45) (< netstandard2.0)) (&& (< net45) (< netcoreapp2.0) (>= netstandard2.0)) (>= net461) (&& (< netstandard1.1) (>= win8)) (&& (< netstandard2.0) (< uap10.1) (>= wpa81)) (>= xamarinios) (>= xamarinmac) (>= xamarintvos) (>= xamarinwatchos)
      System.Numerics.Vectors (>= 4.4) - restriction: && (< net45) (< netcoreapp2.0) (>= netstandard2.0) (< xamarinios) (< xamarinmac) (< xamarintvos) (< xamarinwatchos)
      System.Runtime.CompilerServices.Unsafe (>= 4.5.3) - restriction: || (&& (>= monoandroid) (< netstandard1.1)) (&& (< monoandroid) (< net45) (>= netstandard1.1) (< netstandard2.0) (< win8) (< wpa81)) (&& (< monoandroid) (>= netcoreapp2.0) (< netcoreapp2.1)) (&& (< monoandroid) (< netstandard1.1) (>= portable-net45+win8+wpa81) (< win8)) (>= monotouch) (&& (>= net45) (< netstandard2.0)) (&& (< net45) (< netcoreapp2.0) (>= netstandard2.0)) (>= net461) (&& (< netstandard1.1) (>= win8)) (&& (< netstandard2.0) (>= wpa81)) (>= uap10.1) (>= xamarinios) (>= xamarinmac) (>= xamarintvos) (>= xamarinwatchos)
    System.Memory.Data (7.0) - restriction: >= netstandard2.0
      System.Memory (>= 4.5.5) - restriction: || (>= net462) (&& (< net6.0) (>= netstandard2.0))
      System.Text.Json (>= 7.0) - restriction: || (>= net462) (>= netstandard2.0)
    System.Net.Http (4.3.4) - restriction: || (&& (>= net461) (>= netstandard2.0)) (>= net462)
      System.Security.Cryptography.X509Certificates (>= 4.3) - restriction: || (&& (< monoandroid) (< net45) (>= netstandard1.3) (< netstandard1.6) (< win8) (< wpa81)) (&& (< monotouch) (< net45) (>= netstandard1.6) (< xamarinios) (< xamarinmac) (< xamarintvos) (< xamarinwatchos)) (>= net46)
    System.Numerics.Vectors (4.5) - restriction: >= netstandard2.0
    System.Reactive (5.0) - restriction: >= netstandard2.0
      System.Runtime.InteropServices.WindowsRuntime (>= 4.3) - restriction: && (< net472) (< netcoreapp3.1) (>= netstandard2.0)
      System.Threading.Tasks.Extensions (>= 4.5.4) - restriction: || (>= net472) (&& (< netcoreapp3.1) (>= netstandard2.0)) (>= uap10.1)
    System.Reflection.Emit (4.7) - restriction: >= net6.0
    System.Reflection.Emit.Lightweight (4.7) - restriction: >= net6.0
    System.Runtime (4.3.1) - restriction: || (&& (< monoandroid) (< net45) (< net6.0) (>= netstandard2.0) (< win8) (< wpa81) (< xamarinios) (< xamarinmac) (< xamarintvos) (< xamarinwatchos)) (&& (< monoandroid) (< net45) (< netcoreapp3.1) (>= netstandard2.0) (< win8) (< wpa81) (< xamarinios) (< xamarinmac) (< xamarintvos) (< xamarinwatchos)) (&& (< monoandroid) (< net45) (< netstandard1.3) (>= netstandard2.0) (< win8) (< wpa81)) (&& (< net45) (>= net462)) (&& (< net46) (>= net462) (< netstandard1.4)) (&& (< net46) (>= net462) (>= netstandard1.6)) (&& (< net46) (>= net462) (< netstandard1.6)) (>= net463)
      Microsoft.NETCore.Platforms (>= 1.1.1) - restriction: || (&& (< monoandroid) (< net45) (>= netstandard1.0) (< netstandard1.2) (< win8) (< wp8)) (&& (< monoandroid) (< net45) (>= netstandard1.2) (< netstandard1.3) (< win8) (< wpa81)) (&& (< monoandroid) (< net45) (>= netstandard1.3) (< netstandard1.5) (< win8) (< wpa81)) (&& (< monotouch) (< net45) (>= netstandard1.5) (< win8) (< wpa81) (< xamarinios) (< xamarinmac) (< xamarintvos) (< xamarinwatchos))
      Microsoft.NETCore.Targets (>= 1.1.3) - restriction: || (&& (< monoandroid) (< net45) (>= netstandard1.0) (< netstandard1.2) (< win8) (< wp8)) (&& (< monoandroid) (< net45) (>= netstandard1.2) (< netstandard1.3) (< win8) (< wpa81)) (&& (< monoandroid) (< net45) (>= netstandard1.3) (< netstandard1.5) (< win8) (< wpa81)) (&& (< monotouch) (< net45) (>= netstandard1.5) (< win8) (< wpa81) (< xamarinios) (< xamarinmac) (< xamarintvos) (< xamarinwatchos))
    System.Runtime.CompilerServices.Unsafe (6.0) - restriction: || (&& (>= monoandroid) (< netstandard1.1) (>= netstandard2.0)) (&& (< monoandroid) (>= netcoreapp2.0) (< netcoreapp2.1)) (&& (< monoandroid) (< netstandard1.0) (>= netstandard2.0) (< win8)) (&& (< monoandroid) (< netstandard1.1) (>= netstandard2.0) (< win8)) (&& (>= monotouch) (>= netstandard2.0)) (&& (< net45) (< netcoreapp2.0) (>= netstandard2.0)) (&& (< net45) (< netcoreapp2.1) (>= netstandard2.0) (< netstandard2.1) (< xamarintvos) (< xamarinwatchos)) (&& (>= net461) (>= netstandard2.0)) (>= net462) (&& (>= net6.0) (< net7.0)) (&& (>= net6.0) (< netcoreapp3.1)) (&& (< net6.0) (>= netstandard2.0)) (&& (< netcoreapp3.1) (>= netstandard2.0)) (&& (< netcoreapp3.1) (>= xamarinios)) (&& (< netcoreapp3.1) (>= xamarinmac)) (&& (< netstandard1.0) (>= netstandard2.0) (>= win8)) (&& (< netstandard1.1) (>= netstandard2.0) (>= win8)) (&& (>= netstandard2.0) (>= uap10.1)) (&& (>= netstandard2.0) (>= wp8))
    System.Runtime.InteropServices.NFloat.Internal (6.0.1) - restriction: >= net6.0-ios
    System.Runtime.InteropServices.RuntimeInformation (4.3) - restriction: || (&& (>= net461) (>= netstandard2.0)) (>= net462)
    System.Runtime.InteropServices.WindowsRuntime (4.3) - restriction: && (< net472) (< netcoreapp3.1) (>= netstandard2.0)
      System.Runtime (>= 4.3) - restriction: && (< monoandroid) (< monotouch) (< net45) (>= netstandard1.0) (< win8) (< wp8) (< wpa81) (< xamarinios) (< xamarinmac) (< xamarintvos) (< xamarinwatchos)
    System.Runtime.Serialization.Formatters (4.3) - restriction: || (&& (>= net462) (>= xamarinios)) (&& (< net6.0) (>= xamarinios))
    System.Runtime.Serialization.Primitives (4.3) - restriction: || (&& (>= net462) (>= xamarinios)) (&& (< net6.0) (>= xamarinios))
    System.Security.AccessControl (6.0) - restriction: || (&& (>= monoandroid) (>= netcoreapp3.1) (< netstandard1.3)) (&& (>= monoandroid) (< netstandard1.3) (>= netstandard2.0)) (&& (< monoandroid) (>= netcoreapp2.0)) (&& (< monoandroid) (>= netcoreapp3.1)) (&& (>= monotouch) (>= netcoreapp3.1)) (&& (>= monotouch) (>= netstandard2.0)) (&& (< net45) (< netcoreapp2.0) (>= netstandard2.0)) (&& (>= net46) (>= netcoreapp3.1) (< netstandard2.0)) (&& (< net46) (< netcoreapp2.0) (>= netstandard2.0)) (&& (>= net461) (>= netcoreapp3.1)) (&& (>= net461) (>= netstandard2.0)) (>= net462) (&& (< netcoreapp2.0) (>= netcoreapp3.1)) (>= netcoreapp2.1) (&& (>= netcoreapp3.1) (>= uap10.1)) (&& (>= netcoreapp3.1) (>= xamarintvos)) (&& (>= netcoreapp3.1) (>= xamarinwatchos)) (&& (< netcoreapp3.1) (>= netstandard2.0)) (&& (>= netstandard2.0) (>= uap10.1)) (&& (>= netstandard2.0) (>= xamarintvos)) (&& (>= netstandard2.0) (>= xamarinwatchos)) (>= xamarinios) (>= xamarinmac)
      System.Security.Principal.Windows (>= 5.0) - restriction: || (>= net461) (&& (< net6.0) (>= netstandard2.0))
    System.Security.Cryptography.Algorithms (4.3.1) - restriction: >= net462
      System.IO (>= 4.3) - restriction: || (&& (< monoandroid) (< net46) (>= netstandard1.3) (< netstandard1.4)) (&& (< monoandroid) (< net46) (>= netstandard1.4) (< netstandard1.6)) (&& (< monotouch) (< net46) (>= netstandard1.6) (< xamarinios) (< xamarinmac) (< xamarintvos) (< xamarinwatchos)) (>= net463)
      System.Runtime (>= 4.3) - restriction: || (&& (< monoandroid) (< net46) (>= netstandard1.3) (< netstandard1.4)) (&& (< monoandroid) (< net46) (>= netstandard1.4) (< netstandard1.6)) (&& (< monotouch) (< net46) (>= netstandard1.6) (< xamarinios) (< xamarinmac) (< xamarintvos) (< xamarinwatchos)) (>= net463)
      System.Security.Cryptography.Encoding (>= 4.3) - restriction: || (&& (< monotouch) (< net46) (>= netstandard1.6) (< xamarinios) (< xamarinmac) (< xamarintvos) (< xamarinwatchos)) (>= net463)
      System.Security.Cryptography.Primitives (>= 4.3) - restriction: || (&& (< monoandroid) (< net46) (>= netstandard1.3) (< netstandard1.4)) (&& (< monoandroid) (< net46) (>= netstandard1.4) (< netstandard1.6)) (&& (< monotouch) (< net46) (>= netstandard1.6) (< xamarinios) (< xamarinmac) (< xamarintvos) (< xamarinwatchos)) (&& (>= net46) (< netstandard1.4)) (&& (>= net461) (< netstandard1.6)) (>= net463)
    System.Security.Cryptography.Cng (5.0) - restriction: || (&& (< net45) (>= netstandard2.0)) (&& (< net462) (>= netstandard2.0) (< netstandard2.1)) (>= net6.0) (&& (< netcoreapp3.1) (>= netstandard2.1))
      Microsoft.NETCore.Platforms (>= 5.0) - restriction: && (< monoandroid) (>= netcoreapp2.0) (< netcoreapp2.1) (< netstandard2.1) (< xamarintvos) (< xamarinwatchos)
      System.Formats.Asn1 (>= 5.0) - restriction: && (>= netcoreapp3.0) (< xamarinios) (< xamarinmac) (< xamarintvos) (< xamarinwatchos)
    System.Security.Cryptography.Encoding (4.3) - restriction: >= net462
    System.Security.Cryptography.Pkcs (7.0.1) - restriction: || (&& (>= net462) (>= net6.0)) (&& (< net462) (< netcoreapp3.1) (>= netstandard2.0)) (&& (>= net6.0) (< netcoreapp3.1))
      System.Buffers (>= 4.5.1) - restriction: && (< net462) (>= netstandard2.0) (< netstandard2.1)
      System.Formats.Asn1 (>= 7.0) - restriction: || (&& (< net462) (>= netstandard2.0)) (>= netstandard2.1)
      System.Memory (>= 4.5.5) - restriction: && (< net462) (>= netstandard2.0) (< netstandard2.1)
      System.Security.Cryptography.Cng (>= 5.0) - restriction: || (&& (< net462) (>= netstandard2.0) (< netstandard2.1)) (&& (< net6.0) (>= netstandard2.1))
    System.Security.Cryptography.Primitives (4.3) - restriction: || (&& (< net46) (>= net462) (>= netstandard1.6)) (&& (>= net462) (< netstandard1.4)) (&& (>= net462) (< netstandard1.6)) (>= net463)
    System.Security.Cryptography.ProtectedData (7.0.1) - restriction: >= netstandard2.0
      System.Memory (>= 4.5.5) - restriction: && (< net462) (< net6.0) (>= netstandard2.0)
    System.Security.Cryptography.X509Certificates (4.3.2) - restriction: >= net462
      System.Security.Cryptography.Algorithms (>= 4.3) - restriction: || (&& (< monoandroid) (< net46) (>= netstandard1.3) (< netstandard1.4)) (&& (< monoandroid) (< net46) (>= netstandard1.4) (< netstandard1.6)) (&& (< monotouch) (< net46) (>= netstandard1.6) (< xamarinios) (< xamarinmac) (< xamarintvos) (< xamarinwatchos)) (&& (>= net46) (< netstandard1.4)) (>= net461)
      System.Security.Cryptography.Encoding (>= 4.3) - restriction: || (&& (< monoandroid) (< net46) (>= netstandard1.3) (< netstandard1.4)) (&& (< monoandroid) (< net46) (>= netstandard1.4) (< netstandard1.6)) (&& (< monotouch) (< net46) (>= netstandard1.6) (< xamarinios) (< xamarinmac) (< xamarintvos) (< xamarinwatchos)) (&& (>= net46) (< netstandard1.4)) (>= net461)
    System.Security.Cryptography.Xml (7.0.1) - restriction: || (>= net462) (>= net6.0) (&& (< netcoreapp3.1) (>= netstandard2.0))
      System.Memory (>= 4.5.5) - restriction: && (< net462) (< net6.0) (>= netstandard2.0)
      System.Security.AccessControl (>= 6.0) - restriction: && (< net462) (< net6.0) (>= netstandard2.0)
      System.Security.Cryptography.Pkcs (>= 7.0) - restriction: || (&& (< net462) (>= netstandard2.0)) (>= net6.0)
    System.Security.Principal.Windows (5.0) - restriction: || (&& (>= monoandroid) (>= netcoreapp3.1) (< netstandard1.3)) (&& (>= monoandroid) (< netstandard1.3) (>= netstandard2.0)) (&& (< monoandroid) (>= netcoreapp2.0)) (&& (< monoandroid) (>= netcoreapp3.1)) (&& (>= monotouch) (>= netcoreapp3.1)) (&& (>= monotouch) (>= netstandard2.0)) (&& (< net45) (< netcoreapp2.0) (>= netstandard2.0)) (&& (>= net46) (>= netcoreapp3.1) (< netstandard2.0)) (&& (< net46) (< netcoreapp2.0) (>= netstandard2.0)) (&& (>= net461) (>= netcoreapp3.1)) (&& (>= net461) (>= netstandard2.0)) (>= net462) (&& (< netcoreapp2.0) (>= netcoreapp3.1)) (>= netcoreapp2.1) (&& (>= netcoreapp3.1) (>= uap10.1)) (&& (>= netcoreapp3.1) (>= xamarintvos)) (&& (>= netcoreapp3.1) (>= xamarinwatchos)) (&& (< netcoreapp3.1) (>= netstandard2.0)) (&& (>= netstandard2.0) (>= uap10.1)) (&& (>= netstandard2.0) (>= xamarintvos)) (&& (>= netstandard2.0) (>= xamarinwatchos)) (>= xamarinios) (>= xamarinmac)
      Microsoft.NETCore.Platforms (>= 5.0) - restriction: || (&& (>= netcoreapp2.0) (< netcoreapp2.1)) (&& (>= netcoreapp2.1) (< netcoreapp3.0))
    System.Security.SecureString (4.3) - restriction: || (&& (>= monoandroid10.0) (>= net462)) (&& (>= monoandroid10.0) (< net6.0)) (&& (< monoandroid10.0) (>= monoandroid9.0) (< netcoreapp2.1)) (&& (>= monoandroid9.0) (>= net462)) (&& (>= net462) (>= xamarinios)) (&& (< net6.0) (>= xamarinios)) (>= net6.0-android) (>= net6.0-ios)
    System.Text.Encoding (4.3) - restriction: || (&& (< net45) (>= netstandard2.0)) (>= net462) (>= net6.0)
      Microsoft.NETCore.Platforms (>= 1.1) - restriction: || (&& (< monoandroid) (< monotouch) (< net45) (>= netstandard1.3) (< win8) (< wpa81) (< xamarinios) (< xamarinmac) (< xamarintvos) (< xamarinwatchos)) (&& (< monoandroid) (< net45) (>= netstandard1.0) (< netstandard1.3) (< win8) (< wp8) (< wpa81))
      Microsoft.NETCore.Targets (>= 1.1) - restriction: || (&& (< monoandroid) (< monotouch) (< net45) (>= netstandard1.3) (< win8) (< wpa81) (< xamarinios) (< xamarinmac) (< xamarintvos) (< xamarinwatchos)) (&& (< monoandroid) (< net45) (>= netstandard1.0) (< netstandard1.3) (< win8) (< wp8) (< wpa81))
      System.Runtime (>= 4.3) - restriction: || (&& (< monoandroid) (< monotouch) (< net45) (>= netstandard1.3) (< win8) (< wpa81) (< xamarinios) (< xamarinmac) (< xamarintvos) (< xamarinwatchos)) (&& (< monoandroid) (< net45) (>= netstandard1.0) (< netstandard1.3) (< win8) (< wp8) (< wpa81))
    System.Text.Encodings.Web (7.0) - restriction: || (>= net462) (>= netstandard2.0)
      System.Buffers (>= 4.5.1) - restriction: || (>= net462) (&& (< net6.0) (>= netstandard2.0))
      System.Memory (>= 4.5.5) - restriction: || (>= net462) (&& (< net6.0) (>= netstandard2.0))
      System.Runtime.CompilerServices.Unsafe (>= 6.0) - restriction: || (>= net462) (&& (>= net6.0) (< net7.0)) (&& (< net6.0) (>= netstandard2.0))
    System.Text.Json (7.0.2) - restriction: || (>= net462) (>= netstandard2.0)
      Microsoft.Bcl.AsyncInterfaces (>= 7.0) - restriction: || (>= net462) (&& (< net6.0) (>= netstandard2.0))
      System.Buffers (>= 4.5.1) - restriction: || (>= net462) (&& (< net6.0) (>= netstandard2.0))
      System.Memory (>= 4.5.5) - restriction: || (>= net462) (&& (< net6.0) (>= netstandard2.0))
      System.Numerics.Vectors (>= 4.5) - restriction: || (>= net462) (&& (< net6.0) (>= netstandard2.0))
      System.Runtime.CompilerServices.Unsafe (>= 6.0) - restriction: || (>= net462) (&& (>= net6.0) (< net7.0)) (&& (< net6.0) (>= netstandard2.0))
      System.Text.Encodings.Web (>= 7.0) - restriction: || (>= net462) (>= netstandard2.0)
      System.Threading.Tasks.Extensions (>= 4.5.4) - restriction: || (>= net462) (&& (< net6.0) (>= netstandard2.0))
      System.ValueTuple (>= 4.5) - restriction: >= net462
    System.Threading.Tasks.Extensions (4.5.4) - restriction: || (>= net462) (>= netstandard2.0)
      System.Runtime.CompilerServices.Unsafe (>= 4.5.3) - restriction: || (&& (< monoandroid) (< monotouch) (< net45) (>= netstandard1.0) (< netstandard2.0) (< win8) (< wpa81) (< xamarintvos) (< xamarinwatchos)) (&& (< monoandroid) (< netstandard1.0) (>= portable-net45+win8+wp8+wpa81) (< win8)) (&& (>= net45) (< netstandard2.0)) (&& (< net45) (< netcoreapp2.1) (>= netstandard2.0) (< xamarinios) (< xamarinmac) (< xamarintvos) (< xamarinwatchos)) (>= net461) (&& (< netstandard1.0) (>= win8)) (&& (< netstandard2.0) (>= wpa81)) (>= wp8)
    System.ValueTuple (4.5) - restriction: || (>= net462) (>= net6.0)
    System.Xml.XmlDocument (4.3) - restriction: || (&& (>= net462) (>= xamarinios)) (&& (< net6.0) (>= xamarinios))
    Thoth.Json (10.1) - restriction: >= netstandard2.0
      Fable.Core (>= 3.1.6) - restriction: >= netstandard2.0
      FSharp.Core (>= 4.7.2) - restriction: >= netstandard2.0
    Utf8Json (1.3.7) - restriction: >= net6.0
      System.Reflection.Emit (>= 4.3) - restriction: || (&& (>= net45) (< netstandard2.0)) (&& (< net45) (>= netstandard2.0)) (>= net47)
      System.Reflection.Emit.Lightweight (>= 4.3) - restriction: || (&& (>= net45) (< netstandard2.0)) (&& (< net45) (>= netstandard2.0)) (>= net47)
      System.Threading.Tasks.Extensions (>= 4.4) - restriction: || (&& (>= net45) (< netstandard2.0)) (&& (< net45) (>= netstandard2.0)) (>= net47)
      System.ValueTuple (>= 4.4) - restriction: || (&& (>= net45) (< netstandard2.0)) (&& (< net45) (>= netstandard2.0)) (>= net47)
    Xamarin.Android.Arch.Core.Common (1.1.1.3) - restriction: || (&& (< monoandroid10.0) (>= monoandroid9.0) (< netcoreapp2.1)) (&& (>= monoandroid9.0) (>= net462))
      Xamarin.Android.Support.Annotations (28.0.0.3) - restriction: >= monoandroid8.0
    Xamarin.Android.Arch.Core.Runtime (1.1.1.3) - restriction: || (&& (< monoandroid10.0) (>= monoandroid9.0) (< netcoreapp2.1)) (&& (>= monoandroid9.0) (>= net462))
      Xamarin.Android.Arch.Core.Common (1.1.1.3) - restriction: >= monoandroid8.1
      Xamarin.Android.Support.Annotations (28.0.0.3) - restriction: >= monoandroid8.1
    Xamarin.Android.Arch.Lifecycle.Common (1.1.1.3) - restriction: || (&& (< monoandroid10.0) (>= monoandroid9.0) (< netcoreapp2.1)) (&& (>= monoandroid9.0) (>= net462))
      Xamarin.Android.Support.Annotations (28.0.0.3) - restriction: >= monoandroid8.0
    Xamarin.Android.Arch.Lifecycle.LiveData (1.1.1.3) - restriction: || (&& (< monoandroid10.0) (>= monoandroid9.0) (< netcoreapp2.1)) (&& (>= monoandroid9.0) (>= net462))
      Xamarin.Android.Arch.Core.Common (1.1.1.3) - restriction: >= monoandroid9.0
      Xamarin.Android.Arch.Core.Runtime (1.1.1.3) - restriction: >= monoandroid9.0
      Xamarin.Android.Arch.Lifecycle.LiveData.Core (1.1.1.3) - restriction: >= monoandroid9.0
    Xamarin.Android.Arch.Lifecycle.LiveData.Core (1.1.1.3) - restriction: || (&& (< monoandroid10.0) (>= monoandroid9.0) (< netcoreapp2.1)) (&& (>= monoandroid9.0) (>= net462))
      Xamarin.Android.Arch.Core.Common (1.1.1.3) - restriction: >= monoandroid9.0
      Xamarin.Android.Arch.Core.Runtime (1.1.1.3) - restriction: >= monoandroid9.0
      Xamarin.Android.Arch.Lifecycle.Common (1.1.1.3) - restriction: >= monoandroid9.0
    Xamarin.Android.Arch.Lifecycle.Runtime (1.1.1.3) - restriction: || (&& (< monoandroid10.0) (>= monoandroid9.0) (< netcoreapp2.1)) (&& (>= monoandroid9.0) (>= net462))
      Xamarin.Android.Arch.Core.Common (1.1.1.3) - restriction: >= monoandroid8.0
      Xamarin.Android.Arch.Lifecycle.Common (1.1.1.3) - restriction: >= monoandroid8.0
      Xamarin.Android.Support.Annotations (28.0.0.3) - restriction: >= monoandroid8.0
    Xamarin.Android.Arch.Lifecycle.ViewModel (1.1.1.3) - restriction: || (&& (< monoandroid10.0) (>= monoandroid9.0) (< netcoreapp2.1)) (&& (>= monoandroid9.0) (>= net462))
      Xamarin.Android.Support.Annotations (28.0.0.3) - restriction: >= monoandroid9.0
    Xamarin.Android.Support.Annotations (28.0.0.3) - restriction: || (&& (< monoandroid10.0) (>= monoandroid9.0) (< netcoreapp2.1)) (&& (>= monoandroid9.0) (>= net462))
    Xamarin.Android.Support.AsyncLayoutInflater (28.0.0.3) - restriction: || (&& (< monoandroid10.0) (>= monoandroid9.0) (< netcoreapp2.1)) (&& (>= monoandroid9.0) (>= net462))
      Xamarin.Android.Support.Annotations (28.0.0.3) - restriction: >= monoandroid9.0
      Xamarin.Android.Support.Compat (28.0.0.3) - restriction: >= monoandroid9.0
    Xamarin.Android.Support.Collections (28.0.0.3) - restriction: || (&& (< monoandroid10.0) (>= monoandroid9.0) (< netcoreapp2.1)) (&& (>= monoandroid9.0) (>= net462))
      Xamarin.Android.Support.Annotations (28.0.0.3) - restriction: >= monoandroid9.0
    Xamarin.Android.Support.Compat (28.0.0.3) - restriction: || (&& (< monoandroid10.0) (>= monoandroid9.0) (< netcoreapp2.1)) (&& (>= monoandroid9.0) (>= net462))
      Xamarin.Android.Arch.Lifecycle.Runtime (1.1.1.3) - restriction: >= monoandroid8.0
      Xamarin.Android.Support.Annotations (28.0.0.3) - restriction: >= monoandroid7.1
      Xamarin.Android.Support.Collections (28.0.0.3) - restriction: >= monoandroid9.0
      Xamarin.Android.Support.VersionedParcelable (28.0.0.3) - restriction: >= monoandroid9.0
    Xamarin.Android.Support.CoordinaterLayout (28.0.0.3) - restriction: || (&& (< monoandroid10.0) (>= monoandroid9.0) (< netcoreapp2.1)) (&& (>= monoandroid9.0) (>= net462))
      Xamarin.Android.Support.Annotations (28.0.0.3) - restriction: >= monoandroid9.0
      Xamarin.Android.Support.Compat (28.0.0.3) - restriction: >= monoandroid9.0
      Xamarin.Android.Support.CustomView (28.0.0.3) - restriction: >= monoandroid9.0
    Xamarin.Android.Support.Core.UI (28.0.0.3) - restriction: || (&& (< monoandroid10.0) (>= monoandroid9.0) (< netcoreapp2.1)) (&& (>= monoandroid9.0) (>= net462))
      Xamarin.Android.Support.Annotations (28.0.0.3) - restriction: >= monoandroid9.0
      Xamarin.Android.Support.AsyncLayoutInflater (28.0.0.3) - restriction: >= monoandroid9.0
      Xamarin.Android.Support.Compat (28.0.0.3) - restriction: >= monoandroid7.0
      Xamarin.Android.Support.CoordinaterLayout (28.0.0.3) - restriction: >= monoandroid9.0
      Xamarin.Android.Support.Core.Utils (28.0.0.3) - restriction: >= monoandroid9.0
      Xamarin.Android.Support.CursorAdapter (28.0.0.3) - restriction: >= monoandroid9.0
      Xamarin.Android.Support.CustomView (28.0.0.3) - restriction: >= monoandroid9.0
      Xamarin.Android.Support.DrawerLayout (28.0.0.3) - restriction: >= monoandroid9.0
      Xamarin.Android.Support.Interpolator (28.0.0.3) - restriction: >= monoandroid9.0
      Xamarin.Android.Support.SlidingPaneLayout (28.0.0.3) - restriction: >= monoandroid9.0
      Xamarin.Android.Support.SwipeRefreshLayout (28.0.0.3) - restriction: >= monoandroid9.0
      Xamarin.Android.Support.ViewPager (28.0.0.3) - restriction: >= monoandroid9.0
    Xamarin.Android.Support.Core.Utils (28.0.0.3) - restriction: || (&& (< monoandroid10.0) (>= monoandroid9.0) (< netcoreapp2.1)) (&& (>= monoandroid9.0) (>= net462))
      Xamarin.Android.Support.Annotations (28.0.0.3) - restriction: >= monoandroid9.0
      Xamarin.Android.Support.Compat (28.0.0.3) - restriction: >= monoandroid7.0
      Xamarin.Android.Support.DocumentFile (28.0.0.3) - restriction: >= monoandroid9.0
      Xamarin.Android.Support.Loader (28.0.0.3) - restriction: >= monoandroid9.0
      Xamarin.Android.Support.LocalBroadcastManager (28.0.0.3) - restriction: >= monoandroid9.0
      Xamarin.Android.Support.Print (28.0.0.3) - restriction: >= monoandroid9.0
    Xamarin.Android.Support.CursorAdapter (28.0.0.3) - restriction: || (&& (< monoandroid10.0) (>= monoandroid9.0) (< netcoreapp2.1)) (&& (>= monoandroid9.0) (>= net462))
      Xamarin.Android.Support.Annotations (28.0.0.3) - restriction: >= monoandroid9.0
    Xamarin.Android.Support.CustomTabs (28.0.0.3) - restriction: || (&& (< monoandroid10.0) (>= monoandroid9.0) (< netcoreapp2.1)) (&& (>= monoandroid9.0) (>= net462))
      Xamarin.Android.Support.Annotations (28.0.0.3) - restriction: >= monoandroid9.0
      Xamarin.Android.Support.Collections (28.0.0.3) - restriction: >= monoandroid9.0
      Xamarin.Android.Support.Compat (28.0.0.3) - restriction: >= monoandroid7.0
      Xamarin.Android.Support.Core.UI (28.0.0.3) - restriction: >= monoandroid9.0
      Xamarin.Android.Support.Interpolator (28.0.0.3) - restriction: >= monoandroid9.0
    Xamarin.Android.Support.CustomView (28.0.0.3) - restriction: || (&& (< monoandroid10.0) (>= monoandroid9.0) (< netcoreapp2.1)) (&& (>= monoandroid9.0) (>= net462))
      Xamarin.Android.Support.Annotations (28.0.0.3) - restriction: >= monoandroid9.0
      Xamarin.Android.Support.Compat (28.0.0.3) - restriction: >= monoandroid9.0
    Xamarin.Android.Support.DocumentFile (28.0.0.3) - restriction: || (&& (< monoandroid10.0) (>= monoandroid9.0) (< netcoreapp2.1)) (&& (>= monoandroid9.0) (>= net462))
      Xamarin.Android.Support.Annotations (28.0.0.3) - restriction: >= monoandroid9.0
    Xamarin.Android.Support.DrawerLayout (28.0.0.3) - restriction: || (&& (< monoandroid10.0) (>= monoandroid9.0) (< netcoreapp2.1)) (&& (>= monoandroid9.0) (>= net462))
      Xamarin.Android.Support.Annotations (28.0.0.3) - restriction: >= monoandroid9.0
      Xamarin.Android.Support.Compat (28.0.0.3) - restriction: >= monoandroid9.0
      Xamarin.Android.Support.CustomView (28.0.0.3) - restriction: >= monoandroid9.0
    Xamarin.Android.Support.Interpolator (28.0.0.3) - restriction: || (&& (< monoandroid10.0) (>= monoandroid9.0) (< netcoreapp2.1)) (&& (>= monoandroid9.0) (>= net462))
      Xamarin.Android.Support.Annotations (28.0.0.3) - restriction: >= monoandroid9.0
    Xamarin.Android.Support.Loader (28.0.0.3) - restriction: || (&& (< monoandroid10.0) (>= monoandroid9.0) (< netcoreapp2.1)) (&& (>= monoandroid9.0) (>= net462))
      Xamarin.Android.Arch.Lifecycle.LiveData (1.1.1.3) - restriction: >= monoandroid9.0
      Xamarin.Android.Arch.Lifecycle.ViewModel (1.1.1.3) - restriction: >= monoandroid9.0
      Xamarin.Android.Support.Annotations (28.0.0.3) - restriction: >= monoandroid9.0
      Xamarin.Android.Support.Compat (28.0.0.3) - restriction: >= monoandroid9.0
    Xamarin.Android.Support.LocalBroadcastManager (28.0.0.3) - restriction: || (&& (< monoandroid10.0) (>= monoandroid9.0) (< netcoreapp2.1)) (&& (>= monoandroid9.0) (>= net462))
      Xamarin.Android.Support.Annotations (28.0.0.3) - restriction: >= monoandroid9.0
    Xamarin.Android.Support.Print (28.0.0.3) - restriction: || (&& (< monoandroid10.0) (>= monoandroid9.0) (< netcoreapp2.1)) (&& (>= monoandroid9.0) (>= net462))
      Xamarin.Android.Support.Annotations (28.0.0.3) - restriction: >= monoandroid9.0
    Xamarin.Android.Support.SlidingPaneLayout (28.0.0.3) - restriction: || (&& (< monoandroid10.0) (>= monoandroid9.0) (< netcoreapp2.1)) (&& (>= monoandroid9.0) (>= net462))
      Xamarin.Android.Support.Annotations (28.0.0.3) - restriction: >= monoandroid9.0
      Xamarin.Android.Support.Compat (28.0.0.3) - restriction: >= monoandroid9.0
      Xamarin.Android.Support.CustomView (28.0.0.3) - restriction: >= monoandroid9.0
    Xamarin.Android.Support.SwipeRefreshLayout (28.0.0.3) - restriction: || (&& (< monoandroid10.0) (>= monoandroid9.0) (< netcoreapp2.1)) (&& (>= monoandroid9.0) (>= net462))
      Xamarin.Android.Support.Annotations (28.0.0.3) - restriction: >= monoandroid9.0
      Xamarin.Android.Support.Compat (28.0.0.3) - restriction: >= monoandroid9.0
      Xamarin.Android.Support.Interpolator (28.0.0.3) - restriction: >= monoandroid9.0
    Xamarin.Android.Support.VersionedParcelable (28.0.0.3) - restriction: || (&& (< monoandroid10.0) (>= monoandroid9.0) (< netcoreapp2.1)) (&& (>= monoandroid9.0) (>= net462))
      Xamarin.Android.Support.Annotations (28.0.0.3) - restriction: >= monoandroid9.0
      Xamarin.Android.Support.Collections (28.0.0.3) - restriction: >= monoandroid9.0
    Xamarin.Android.Support.ViewPager (28.0.0.3) - restriction: || (&& (< monoandroid10.0) (>= monoandroid9.0) (< netcoreapp2.1)) (&& (>= monoandroid9.0) (>= net462))
      Xamarin.Android.Support.Annotations (28.0.0.3) - restriction: >= monoandroid9.0
      Xamarin.Android.Support.Compat (28.0.0.3) - restriction: >= monoandroid9.0
      Xamarin.Android.Support.CustomView (28.0.0.3) - restriction: >= monoandroid9.0
    Xamarin.AndroidX.Annotation (1.6) - restriction: || (&& (>= monoandroid12.0) (>= net462)) (&& (>= monoandroid12.0) (< net6.0))
      Xamarin.AndroidX.Migration (>= 1.0.10) - restriction: && (>= monoandroid12.0) (< net6.0-android)
      Xamarin.Kotlin.StdLib (>= 1.8.10) - restriction: >= monoandroid12.0
    Xamarin.AndroidX.Annotation.Experimental (1.3.0.2) - restriction: || (&& (>= monoandroid12.0) (>= net462)) (&& (>= monoandroid12.0) (< net6.0))
      Xamarin.Kotlin.StdLib (>= 1.8.0.1) - restriction: >= monoandroid12.0
    Xamarin.AndroidX.Arch.Core.Common (2.2) - restriction: || (&& (>= monoandroid12.0) (>= net462)) (&& (>= monoandroid12.0) (< net6.0))
      Xamarin.AndroidX.Annotation (>= 1.6) - restriction: >= monoandroid12.0
    Xamarin.AndroidX.Arch.Core.Runtime (2.2) - restriction: || (&& (>= monoandroid12.0) (>= net462)) (&& (>= monoandroid12.0) (< net6.0))
      Xamarin.AndroidX.Annotation (>= 1.6) - restriction: >= monoandroid12.0
      Xamarin.AndroidX.Arch.Core.Common (>= 2.2) - restriction: >= monoandroid12.0
    Xamarin.AndroidX.Browser (1.5) - restriction: || (&& (>= monoandroid10.0) (>= net462)) (&& (>= monoandroid10.0) (< net6.0))
      Xamarin.AndroidX.Annotation (>= 1.5.0.2) - restriction: >= monoandroid12.0
      Xamarin.AndroidX.Collection (>= 1.2.0.6) - restriction: >= monoandroid12.0
      Xamarin.AndroidX.Concurrent.Futures (>= 1.1.0.11) - restriction: >= monoandroid12.0
      Xamarin.AndroidX.Core (>= 1.9.0.2) - restriction: >= monoandroid12.0
      Xamarin.AndroidX.Interpolator (>= 1.0.0.16) - restriction: >= monoandroid12.0
      Xamarin.Google.Guava.ListenableFuture (>= 1.0.0.11) - restriction: >= monoandroid12.0
    Xamarin.AndroidX.Collection (1.2.0.6) - restriction: || (&& (>= monoandroid12.0) (>= net462)) (&& (>= monoandroid12.0) (< net6.0))
      Xamarin.AndroidX.Annotation (>= 1.5.0.2) - restriction: >= monoandroid12.0
    Xamarin.AndroidX.Concurrent.Futures (1.1.0.11) - restriction: || (&& (>= monoandroid12.0) (>= net462)) (&& (>= monoandroid12.0) (< net6.0))
      Xamarin.AndroidX.Annotation (>= 1.5.0.2) - restriction: >= monoandroid12.0
      Xamarin.Google.Guava.ListenableFuture (>= 1.0.0.11) - restriction: >= monoandroid12.0
    Xamarin.AndroidX.Core (1.9.0.2) - restriction: || (&& (>= monoandroid12.0) (>= net462)) (&& (>= monoandroid12.0) (< net6.0))
      Xamarin.AndroidX.Annotation (>= 1.5.0.2) - restriction: >= monoandroid12.0
      Xamarin.AndroidX.Annotation.Experimental (>= 1.3.0.2) - restriction: >= monoandroid12.0
      Xamarin.AndroidX.Collection (>= 1.2.0.6) - restriction: >= monoandroid12.0
      Xamarin.AndroidX.Concurrent.Futures (>= 1.1.0.11) - restriction: >= monoandroid12.0
      Xamarin.AndroidX.Lifecycle.Runtime (>= 2.5.1.2) - restriction: >= monoandroid12.0
      Xamarin.AndroidX.VersionedParcelable (>= 1.1.1.16) - restriction: >= monoandroid12.0
    Xamarin.AndroidX.Interpolator (1.0.0.16) - restriction: || (&& (>= monoandroid12.0) (>= net462)) (&& (>= monoandroid12.0) (< net6.0))
      Xamarin.AndroidX.Annotation (>= 1.5.0.2) - restriction: >= monoandroid12.0
    Xamarin.AndroidX.Lifecycle.Common (2.6.1) - restriction: || (&& (>= monoandroid12.0) (>= net462)) (&& (>= monoandroid12.0) (< net6.0))
      Xamarin.AndroidX.Annotation (>= 1.6) - restriction: >= monoandroid12.0
      Xamarin.Kotlin.StdLib (>= 1.8.10) - restriction: >= monoandroid12.0
      Xamarin.KotlinX.Coroutines.Android (>= 1.6.4.2) - restriction: >= monoandroid12.0
    Xamarin.AndroidX.Lifecycle.Runtime (2.6.1) - restriction: || (&& (>= monoandroid12.0) (>= net462)) (&& (>= monoandroid12.0) (< net6.0))
      Xamarin.AndroidX.Annotation (>= 1.6) - restriction: >= monoandroid12.0
      Xamarin.AndroidX.Arch.Core.Common (>= 2.2) - restriction: >= monoandroid12.0
      Xamarin.AndroidX.Arch.Core.Runtime (>= 2.2) - restriction: >= monoandroid12.0
      Xamarin.AndroidX.Lifecycle.Common (>= 2.6.1) - restriction: >= monoandroid12.0
      Xamarin.AndroidX.ProfileInstaller.ProfileInstaller (>= 1.3) - restriction: >= monoandroid12.0
      Xamarin.Kotlin.StdLib (>= 1.8.10) - restriction: >= monoandroid12.0
    Xamarin.AndroidX.Migration (1.0.10) - restriction: || (&& (>= monoandroid12.0) (>= net462)) (&& (>= monoandroid12.0) (< net6.0))
    Xamarin.AndroidX.ProfileInstaller.ProfileInstaller (1.3) - restriction: || (&& (>= monoandroid12.0) (>= net462)) (&& (>= monoandroid12.0) (< net6.0))
      Xamarin.AndroidX.Annotation (>= 1.6) - restriction: >= monoandroid12.0
      Xamarin.AndroidX.Concurrent.Futures (>= 1.1.0.11) - restriction: >= monoandroid12.0
      Xamarin.AndroidX.Startup.StartupRuntime (>= 1.1.1.4) - restriction: >= monoandroid12.0
      Xamarin.Google.Guava.ListenableFuture (>= 1.0.0.11) - restriction: >= monoandroid12.0
    Xamarin.AndroidX.Startup.StartupRuntime (1.1.1.4) - restriction: || (&& (>= monoandroid12.0) (>= net462)) (&& (>= monoandroid12.0) (< net6.0))
      Xamarin.AndroidX.Annotation (>= 1.5.0.2) - restriction: >= monoandroid12.0
      Xamarin.AndroidX.Tracing.Tracing (>= 1.1.0.3) - restriction: >= monoandroid12.0
    Xamarin.AndroidX.Tracing.Tracing (1.1.0.3) - restriction: || (&& (>= monoandroid12.0) (>= net462)) (&& (>= monoandroid12.0) (< net6.0))
      Xamarin.AndroidX.Annotation (>= 1.5.0.2) - restriction: >= monoandroid12.0
    Xamarin.AndroidX.VersionedParcelable (1.1.1.16) - restriction: || (&& (>= monoandroid12.0) (>= net462)) (&& (>= monoandroid12.0) (< net6.0))
      Xamarin.AndroidX.Annotation (>= 1.5.0.2) - restriction: >= monoandroid12.0
      Xamarin.AndroidX.Collection (>= 1.2.0.6) - restriction: >= monoandroid12.0
    Xamarin.Google.Guava.ListenableFuture (1.0.0.11) - restriction: || (&& (>= monoandroid12.0) (>= net462)) (&& (>= monoandroid12.0) (< net6.0))
    Xamarin.Jetbrains.Annotations (24.0.1) - restriction: || (&& (>= monoandroid12.0) (>= net462)) (&& (>= monoandroid12.0) (< net6.0))
    Xamarin.Kotlin.StdLib (1.8.20) - restriction: || (&& (>= monoandroid12.0) (>= net462)) (&& (>= monoandroid12.0) (< net6.0))
      Xamarin.Jetbrains.Annotations (>= 24.0.1) - restriction: >= monoandroid12.0
      Xamarin.Kotlin.StdLib.Common (>= 1.8.20) - restriction: >= monoandroid12.0
    Xamarin.Kotlin.StdLib.Common (1.8.20) - restriction: || (&& (>= monoandroid12.0) (>= net462)) (&& (>= monoandroid12.0) (< net6.0))
    Xamarin.Kotlin.StdLib.Jdk7 (1.8.20) - restriction: || (&& (>= monoandroid12.0) (>= net462)) (&& (>= monoandroid12.0) (< net6.0))
      Xamarin.Kotlin.StdLib (>= 1.8.20) - restriction: >= monoandroid12.0
    Xamarin.Kotlin.StdLib.Jdk8 (1.8.20) - restriction: || (&& (>= monoandroid12.0) (>= net462)) (&& (>= monoandroid12.0) (< net6.0))
      Xamarin.Kotlin.StdLib (>= 1.8.20) - restriction: >= monoandroid12.0
      Xamarin.Kotlin.StdLib.Jdk7 (>= 1.8.20) - restriction: >= monoandroid12.0
    Xamarin.KotlinX.Coroutines.Android (1.6.4.2) - restriction: || (&& (>= monoandroid12.0) (>= net462)) (&& (>= monoandroid12.0) (< net6.0))
      Xamarin.Kotlin.StdLib.Jdk8 (>= 1.8.0.1) - restriction: >= monoandroid12.0
      Xamarin.KotlinX.Coroutines.Core.Jvm (>= 1.6.4.2) - restriction: >= monoandroid12.0
    Xamarin.KotlinX.Coroutines.Core.Jvm (1.6.4.2) - restriction: || (&& (>= monoandroid12.0) (>= net462)) (&& (>= monoandroid12.0) (< net6.0))
      Xamarin.Kotlin.StdLib.Common (>= 1.8.0.1) - restriction: >= monoandroid12.0
      Xamarin.Kotlin.StdLib.Jdk8 (>= 1.8.0.1) - restriction: >= monoandroid12.0
